{
	"Modality": "MR",
	"MagneticFieldStrength": 3,
	"Manufacturer": "GE",
	"ManufacturersModelName": "DISCOVERY_MR750w",
	"InstitutionName": "Iowa_MRRF",
	"DeviceSerialNumber": "0000000319335MR2",
	"StationName": "Iowa3T",
	"PatientPosition": "HFS",
	"ProcedureStepDescription": "MH_EPIL",
	"SoftwareVersions": "25_LX_MR_Software_release:DV25.0_R02_1549.b",
	"MRAcquisitionType": "3D",
	"SeriesDescription": "SAG_CUBE_T2",
	"ProtocolName": "SAG_CUBE_T2",
	"ScanningSequence": "SE",
	"SequenceVariant": "SK",
	"ScanOptions": "EDR_GEMS_FILTERED_GEMS",
	"ImageType": ["ORIGINAL", "PRIMARY", "OTHER"],
	"SeriesNumber": 3,
	"AcquisitionTime": "09:13:53.000000",
	"AcquisitionNumber": 1,
	"SliceThickness": 1,
	"SpacingBetweenSlices": 0.5,
	"SAR": 0.121292,
	"EchoTime": 0.085796,
	"RepetitionTime": 3.5,
	"FlipAngle": 90,
	"PercentPhaseFOV": 90,
	"EchoTrainLength": 140,
	"AcquisitionMatrixPE": 256,
	"ReconMatrixPE": 256,
	"PixelBandwidth": 976.562,
	"ImageOrientationPatientDICOM": [
		-0,
		1,
		0,
		-0,
		-0,
		-1	],
	"InPlanePhaseEncodingDirectionDICOM": "ROW",
	"ConversionSoftware": "dcm2niix",
	"ConversionSoftwareVersion": "v1.0.20171215 (OpenJPEG build) GCC7.2.0"
}
