{
	"Modality": "MR",
	"MagneticFieldStrength": 3,
	"Manufacturer": "Siemens",
	"ManufacturersModelName": "Skyra",
	"InstitutionName": "UIHC_SKYRA",
	"InstitutionalDepartmentName": "Department",
	"InstitutionAddress": "HAWKINS_DRIVE_200_IOWA_CITY_IOWA_US_52242",
	"DeviceSerialNumber": "45685",
	"StationName": "AWP45685",
	"BodyPartExamined": "BRAIN",
	"PatientPosition": "HFS",
	"ProcedureStepDescription": "RESEARCH_OYA",
	"SoftwareVersions": "syngo_MR_E11",
	"MRAcquisitionType": "2D",
	"SeriesDescription": "ES-FMRI",
	"ProtocolName": "ES-FMRI",
	"ScanningSequence": "EP",
	"SequenceVariant": "SK",
	"ScanOptions": "FS",
	"SequenceName": "_epfid2d1_68",
	"ImageType": ["ORIGINAL", "PRIMARY", "M", "ND", "MOSAIC"],
	"SeriesNumber": 17,
	"AcquisitionTime": "18:39:30.987500",
	"AcquisitionNumber": 1,
	"SliceThickness": 3,
	"SpacingBetweenSlices": 3,
	"SAR": 0.0524114,
	"EchoTime": 0.03,
	"RepetitionTime": 3,
	"FlipAngle": 90,
	"PartialFourier": 1,
	"BaseResolution": 68,
	"ShimSetting": [
		-3723,
		-1378,
		-839,
		373,
		489,
		40,
		132,
		134	],
	"DelayTime": 0.1,
	"TxRefAmp": 208.384,
	"PhaseResolution": 1,
	"ReceiveCoilName": "TxRx_CP_Head",
	"ReceiveCoilActiveElements": "HE",
	"PulseSequenceDetails": "%SiemensSeq%_ep2d_pace",
	"ConsistencyInfo": "N4_VE11A_LATEST_20140830",
	"PercentPhaseFOV": 100,
	"EchoTrainLength": 68,
	"PhaseEncodingSteps": 68,
	"AcquisitionMatrixPE": 68,
	"ReconMatrixPE": 68,
	"BandwidthPerPixelPhaseEncode": 25.355,
	"EffectiveEchoSpacing": 0.000579999,
	"DerivedVendorReportedEchoSpacing": 0.000579999,
	"TotalReadoutTime": 0.03886,
	"PixelBandwidth": 1935,
	"DwellTime": 3.8e-06,
	"PhaseEncodingDirection": "j-",
	"SliceTiming": [
		1.44,
		0,
		1.505,
		0.065,
		1.5725,
		0.1325,
		1.6375,
		0.1975,
		1.7025,
		0.2625,
		1.7675,
		0.3275,
		1.8325,
		0.3925,
		1.9,
		0.46,
		1.965,
		0.525,
		2.03,
		0.59,
		2.095,
		0.655,
		2.16,
		0.72,
		2.225,
		0.785,
		2.2925,
		0.8525,
		2.3575,
		0.9175,
		2.4225,
		0.9825,
		2.4875,
		1.0475,
		2.5525,
		1.1125,
		2.62,
		1.18,
		2.685,
		1.245,
		2.75,
		1.31,
		2.815,
		1.375	],
	"ImageOrientationPatientDICOM": [
		0.995056,
		-0.00173338,
		0.0993046,
		1.2772e-08,
		0.999848,
		0.0174524	],
	"InPlanePhaseEncodingDirectionDICOM": "COL",
	"ConversionSoftware": "dcm2niix",
	"ConversionSoftwareVersion": "v1.0.20180622 GCC7.3.0"
}
