{
	"Modality": "MR",
	"MagneticFieldStrength": 3,
	"Manufacturer": "Siemens",
	"ManufacturersModelName": "TrioTim",
	"InstitutionName": "UI_Hospitals_and_Clinics",
	"InstitutionalDepartmentName": "Radiation_Oncology",
	"InstitutionAddress": "Hawkins_200_Iowa_City_IA_US_52242",
	"DeviceSerialNumber": "35053",
	"StationName": "MRC35053",
	"PatientPosition": "HFS",
	"ProcedureStepDescription": "RESEARCH_OYA",
	"SoftwareVersions": "syngo_MR_B19",
	"MRAcquisitionType": "2D",
	"SeriesDescription": "ES_FMRI",
	"ProtocolName": "ES_FMRI",
	"ScanningSequence": "EP",
	"SequenceVariant": "SK",
	"ScanOptions": "FS",
	"SequenceName": "_epfid2d1_68",
	"ImageType": ["ORIGINAL", "PRIMARY", "M", "ND", "MOSAIC"],
	"SeriesNumber": 3,
	"AcquisitionTime": "17:19:38.112500",
	"AcquisitionNumber": 1,
	"SliceThickness": 3,
	"SpacingBetweenSlices": 3,
	"SAR": 0.0503535,
	"EchoTime": 0.03,
	"RepetitionTime": 3,
	"FlipAngle": 90,
	"PartialFourier": 1,
	"BaseResolution": 68,
	"ShimSetting": [
		-1208,
		-19506,
		6084,
		605,
		415,
		-378,
		-194,
		26	],
	"DelayTime": 0.1,
	"TxRefAmp": 182.635,
	"PhaseResolution": 1,
	"ReceiveCoilName": "TxRx_Head",
	"PulseSequenceDetails": "%SiemensSeq%_ep2d_bold",
	"PercentPhaseFOV": 100,
	"PhaseEncodingSteps": 68,
	"AcquisitionMatrixPE": 68,
	"ReconMatrixPE": 68,
	"BandwidthPerPixelPhaseEncode": 25.355,
	"EffectiveEchoSpacing": 0.000579999,
	"DerivedVendorReportedEchoSpacing": 0.000579999,
	"TotalReadoutTime": 0.03886,
	"PixelBandwidth": 1935,
	"DwellTime": 3.8e-06,
	"PhaseEncodingDirection": "j-",
	"SliceTiming": [
		0,
		1.49,
		0.065,
		1.5525,
		0.13,
		1.6175,
		0.195,
		1.6825,
		0.26,
		1.7475,
		0.325,
		1.8125,
		0.39,
		1.8775,
		0.455,
		1.9425,
		0.5175,
		2.0075,
		0.5825,
		2.07,
		0.6475,
		2.135,
		0.7125,
		2.2,
		0.7775,
		2.265,
		0.8425,
		2.33,
		0.9075,
		2.395,
		0.9725,
		2.46,
		1.035,
		2.525,
		1.1,
		2.59,
		1.165,
		2.6525,
		1.23,
		2.7175,
		1.295,
		2.7825,
		1.36,
		2.8475,
		1.425	],
	"ImageOrientationPatientDICOM": [
		1,
		0,
		0,
		0,
		1,
		0	],
	"InPlanePhaseEncodingDirectionDICOM": "COL",
	"ConversionSoftware": "dcm2niix",
	"ConversionSoftwareVersion": "v1.0.20171103 (OpenJPEG build) GCC7.2.1",
	"TaskName": "es"
}
