{
	"Manufacturer": "Siemens",
	"ManufacturersModelName": "Skyra",
	"EchoTrainLength": 72,
	"AcquisitionNumber": 1,
	"InstitutionName": "UIHC_SKYRA",
	"InstitutionAddress": "HAWKINS_DRIVE_200_IOWA_CITY_IOWA_US_52242",
	"DeviceSerialNumber": "45685",
	"SoftwareVersions": "syngo_MR_E11",
	"ProcedureStepDescription": "RESEARCH_HOWARD",
	"ScanningSequence": "EP",
	"SequenceVariant": "SK",
	"SeriesDescription": "ES-FMRI-NEW",
	"BodyPartExamined": "BRAIN",
	"ProtocolName": "ES-FMRI-NEW",
	"SequenceName": "_epfid2d1_72",
	"ImageType": ["ORIGINAL", "PRIMARY", "M", "ND", "MOSAIC"],
	"AcquisitionTime": "19:40:14.647500",
	"MagneticFieldStrength": 3,
	"FlipAngle": 90,
	"EchoTime": 0.03,
	"RepetitionTime": 3,
	"PhaseEncodingLines": 72,
	"BandwidthPerPixelPhaseEncode": 23.946,
	"EffectiveEchoSpacing": 0.000580009,
	"TotalReadoutTime": 0.0411806,
	"SliceTiming": [
		1.44,
		0,
		1.505,
		0.065,
		1.57,
		0.13,
		1.635,
		0.195,
		1.7025,
		0.2625,
		1.7675,
		0.3275,
		1.8325,
		0.3925,
		1.8975,
		0.4575,
		1.9625,
		0.5225,
		2.03,
		0.59,
		2.095,
		0.655,
		2.16,
		0.72,
		2.225,
		0.785,
		2.29,
		0.85,
		2.355,
		0.915,
		2.4225,
		0.9825,
		2.4875,
		1.0475,
		2.5525,
		1.1125,
		2.6175,
		1.1775,
		2.6825,
		1.2425,
		2.75,
		1.31,
		2.815,
		1.375	],
	"PhaseEncodingDirection": "j-",
	"ConversionSoftware": "dcm2niix",
	"ConversionSoftwareVersion": "v1.0.20170624 (OpenJPEG build) GCC6.3.0"
}
