{
	"Modality": "MR",
	"MagneticFieldStrength": 3,
	"Manufacturer": "GE",
	"ManufacturersModelName": "DISCOVERY_MR750w",
	"InstitutionName": "Iowa_MRRF",
	"DeviceSerialNumber": "0000000319335MR2",
	"StationName": "Iowa3T",
	"PatientPosition": "HFS",
	"ProcedureStepDescription": "MH_EPIL",
	"SoftwareVersions": "25_LX_MR_Software_release:DV25.0_R02_1549.b",
	"MRAcquisitionType": "2D",
	"SeriesDescription": "Field_Map",
	"ProtocolName": "Field_Map",
	"ScanningSequence": "RM",
	"SequenceVariant": "NONE",
	"ScanOptions": "VB_GEMS",
	"ImageType": ["ORIGINAL", "PRIMARY", "OTHER"],
	"SeriesNumber": 5,
	"AcquisitionTime": "11:12:28.000000",
	"AcquisitionNumber": 1,
	"SliceThickness": 4,
	"SpacingBetweenSlices": 4,
	"SAR": 0.277034,
	"EchoTime1": 0.004608,
	"EchoTime2": 0.006912,
	"IntendedFor": ["ses-preop/func/sub-376_ses-preop_task-rest_run-01_bold.nii",
	"ses-preop/func/sub-376_ses-preop_task-rest_run-02_bold.nii",
	"ses-preop/func/sub-376_ses-preop_task-rest_run-03_bold.nii"],
	"RepetitionTime": 0.360704,
	"FlipAngle": 60,
	"PercentPhaseFOV": 100,
	"AcquisitionMatrixPE": 64,
	"ReconMatrixPE": 64,
	"EffectiveEchoSpacing": 0.002304,
	"TotalReadoutTime": 0.145152,
	"PixelBandwidth": 976.562,
	"PhaseEncodingAxis": "i",
	"ImageOrientationPatientDICOM": [
		1,
		-5.44957e-08,
		0,
		5.44957e-08,
		1,
		0	],
	"InPlanePhaseEncodingDirectionDICOM": "ROW",
	"ConversionSoftware": "dcm2niix",
	"ConversionSoftwareVersion": "v1.0.20180622 GCC7.3.0"
}
