{
	"Modality": "MR",
	"MagneticFieldStrength": 3,
	"Manufacturer": "Siemens",
	"ManufacturersModelName": "Skyra",
	"InstitutionName": "UIHC_SKYRA",
	"InstitutionalDepartmentName": "Department",
	"InstitutionAddress": "HAWKINS_DRIVE_200_IOWA_CITY_IOWA_US_52242",
	"DeviceSerialNumber": "45685",
	"StationName": "AWP45685",
	"BodyPartExamined": "BRAIN",
	"PatientPosition": "HFS",
	"ProcedureStepDescription": "RESEARCH_HOWARD",
	"SoftwareVersions": "syngo_MR_E11",
	"MRAcquisitionType": "2D",
	"SeriesDescription": "ES-FMRI",
	"ProtocolName": "ES-FMRI",
	"ScanningSequence": "EP",
	"SequenceVariant": "SK",
	"ScanOptions": "FS",
	"SequenceName": "_epfid2d1_68",
	"ImageType": ["ORIGINAL", "PRIMARY", "M", "ND", "MOSAIC"],
	"SeriesNumber": 20,
	"AcquisitionTime": "19:25:43.097500",
	"AcquisitionNumber": 1,
	"SliceThickness": 3,
	"SpacingBetweenSlices": 3,
	"SAR": 0.0320313,
	"EchoTime": 0.03,
	"RepetitionTime": 3,
	"FlipAngle": 90,
	"PartialFourier": 1,
	"BaseResolution": 68,
	"ShimSetting": [
		-3835,
		-1437,
		-979,
		460,
		249,
		-141,
		233,
		7	],
	"DelayTime": 0.1,
	"TxRefAmp": 179.918,
	"PhaseResolution": 1,
	"ReceiveCoilName": "TxRx_CP_Head",
	"ReceiveCoilActiveElements": "HE",
	"PulseSequenceDetails": "%SiemensSeq%_ep2d_pace",
	"ConsistencyInfo": "N4_VE11A_LATEST_20140830",
	"PercentPhaseFOV": 100,
	"EchoTrainLength": 68,
	"PhaseEncodingSteps": 68,
	"AcquisitionMatrixPE": 68,
	"ReconMatrixPE": 68,
	"BandwidthPerPixelPhaseEncode": 25.355,
	"EffectiveEchoSpacing": 0.000579999,
	"DerivedVendorReportedEchoSpacing": 0.000579999,
	"TotalReadoutTime": 0.03886,
	"PixelBandwidth": 1935,
	"DwellTime": 3.8e-06,
	"PhaseEncodingDirection": "j-",
	"SliceTiming": [
		1.44,
		0,
		1.505,
		0.065,
		1.57,
		0.13,
		1.635,
		0.195,
		1.7,
		0.26,
		1.765,
		0.325,
		1.8325,
		0.3925,
		1.8975,
		0.4575,
		1.9625,
		0.5225,
		2.0275,
		0.5875,
		2.0925,
		0.6525,
		2.16,
		0.72,
		2.225,
		0.785,
		2.29,
		0.85,
		2.355,
		0.915,
		2.42,
		0.98,
		2.485,
		1.045,
		2.5525,
		1.1125,
		2.6175,
		1.1775,
		2.6825,
		1.2425,
		2.7475,
		1.3075,
		2.8125,
		1.3725	],
	"ImageOrientationPatientDICOM": [
		1,
		0,
		0,
		0,
		1,
		0	],
	"InPlanePhaseEncodingDirectionDICOM": "COL",
	"ConversionSoftware": "dcm2niix",
	"ConversionSoftwareVersion": "v1.0.20180622 GCC7.3.0"
}
