{
	"Modality": "MR",
	"MagneticFieldStrength": 3,
	"ImagingFrequency": 127.758,
	"Manufacturer": "GE",
	"ManufacturersModelName": "DISCOVERY_MR750w",
	"InstitutionName": "Iowa_MRRF",
	"DeviceSerialNumber": "0000000319335MR2",
	"StationName": "Iowa3T",
	"BodyPartExamined": "HEAD",
	"PatientPosition": "HFS",
	"ProcedureStepDescription": "MH_EPIL",
	"SoftwareVersions": "27_LX_MR_Software_release:DV25.1_R02_1649.a",
	"MRAcquisitionType": "2D",
	"SeriesDescription": "Field_Map",
	"ProtocolName": "Field_Map",
	"ScanningSequence": "RM",
	"SequenceVariant": "NONE",
	"ScanOptions": "VB_GEMS",
	"ImageType": ["ORIGINAL", "PRIMARY", "OTHER"],
	"SeriesNumber": 4,
	"AcquisitionTime": "16:12:5.000000",
	"AcquisitionNumber": 1,
	"SliceThickness": 4,
	"SpacingBetweenSlices": 4,
	"SAR": 0.766343,
	"EchoTime": 0.004608,
	"EchoTime1" : 0.004608,
	"EchoTime2" : 0.006912,
	"RepetitionTime": 0.360704,
	"FlipAngle": 60,
	"CoilString": "32Ch_Head",
	"PercentPhaseFOV": 100,
	"AcquisitionMatrixPE": 64,
	"ReconMatrixPE": 64,
	"EffectiveEchoSpacing": 0.002304,
	"TotalReadoutTime": 0.145152,
	"PixelBandwidth": 976.562,
	"PhaseEncodingAxis": "i",
	"ImageOrientationPatientDICOM": [
		1,
		-5.44957e-08,
		0,
		5.44957e-08,
		1,
		0	],
	"InPlanePhaseEncodingDirectionDICOM": "ROW",
	"ConversionSoftware": "dcm2niix",
	"ConversionSoftwareVersion": "v1.0.20181125  (JP2:OpenJPEG) GCC8.2.0"
}
