{
	"Modality": "MR",
	"MagneticFieldStrength": 3,
	"ImagingFrequency": 127.758,
	"Manufacturer": "GE",
	"ManufacturersModelName": "DISCOVERY_MR750w",
	"InstitutionName": "Iowa_MRRF",
	"DeviceSerialNumber": "0000000319335MR2",
	"StationName": "Iowa3T",
	"BodyPartExamined": "HEAD",
	"PatientPosition": "HFS",
	"ProcedureStepDescription": "MH_EPIL",
	"SoftwareVersions": "27_LX_MR_Software_release:DV25.1_R02_1649.a",
	"MRAcquisitionType": "3D",
	"SeriesDescription": "PU:Cor_FSPGR_BRAVO",
	"ProtocolName": "PU:Cor_FSPGR_BRAVO",
	"ScanningSequence": "GR",
	"SequenceVariant": "SS_SK",
	"ScanOptions": "FAST_GEMS_EDR_GEMS_FILTERED_GEMS_ACC_GEMS",
	"ImageType": ["DERIVED", "PRIMARY", "OTHER"],
	"RawImage": false,
	"SeriesNumber": 600,
	"AcquisitionTime": "16:39:17.000000",
	"AcquisitionNumber": 1,
	"SliceThickness": 0.8,
	"SpacingBetweenSlices": 0.8,
	"SAR": 0.189166,
	"EchoTime": 0.003288,
	"RepetitionTime": 0.008504,
	"InversionTime": 0.45,
	"FlipAngle": 12,
	"CoilString": "32Ch_Head",
	"PercentPhaseFOV": 100,
	"AcquisitionMatrixPE": 256,
	"ReconMatrixPE": 256,
	"PixelBandwidth": 244.141,
	"ImageOrientationPatientDICOM": [
		1,
		-0,
		0,
		-0,
		-0,
		-1	],
	"InPlanePhaseEncodingDirectionDICOM": "ROW",
	"ConversionSoftware": "dcm2niix",
	"ConversionSoftwareVersion": "v1.0.20181125  (JP2:OpenJPEG) GCC8.2.0"
}
