{
	"Modality": "MR",
	"MagneticFieldStrength": 3,
	"ImagingFrequency": 127.758,
	"Manufacturer": "GE",
	"ManufacturersModelName": "DISCOVERY_MR750w",
	"InstitutionName": "Iowa_MRRF",
	"DeviceSerialNumber": "0000000319335MR2",
	"StationName": "Iowa3T",
	"BodyPartExamined": "HEAD",
	"PatientPosition": "HFS",
	"ProcedureStepDescription": "MH_EPIL",
	"SoftwareVersions": "27_LX_MR_Software_release:DV25.1_R02_1649.a",
	"MRAcquisitionType": "3D",
	"SeriesDescription": "PU:CUBE_T2_Sagittal",
	"ProtocolName": "PU:CUBE_T2_Sagittal",
	"ScanningSequence": "SE",
	"SequenceVariant": "SK",
	"ScanOptions": "EDR_GEMS_FILTERED_GEMS_ACC_GEMS",
	"ImageType": ["DERIVED", "PRIMARY", "OTHER"],
	"RawImage": false,
	"SeriesNumber": 1300,
	"AcquisitionTime": "17:27:41.000000",
	"AcquisitionNumber": 1,
	"SliceThickness": 1,
	"SpacingBetweenSlices": 1,
	"SAR": 0.471812,
	"EchoTime": 0.086828,
	"RepetitionTime": 3.2,
	"FlipAngle": 90,
	"CoilString": "32Ch_Head",
	"PercentPhaseFOV": 100,
	"EchoTrainLength": 140,
	"AcquisitionMatrixPE": 256,
	"ReconMatrixPE": 256,
	"PixelBandwidth": 976.562,
	"ImageOrientationPatientDICOM": [
		-0,
		1,
		0,
		-0,
		-0,
		-1	],
	"InPlanePhaseEncodingDirectionDICOM": "ROW",
	"ConversionSoftware": "dcm2niix",
	"ConversionSoftwareVersion": "v1.0.20181125  (JP2:OpenJPEG) GCC8.2.0"
}
