{
	"Modality": "MR",
	"MagneticFieldStrength": 3,
	"Manufacturer": "Siemens",
	"ManufacturersModelName": "TrioTim",
	"InstitutionName": "University_of_Iowa",
	"InstitutionalDepartmentName": "Department",
	"InstitutionAddress": "Newton_Road_500_Iowa_City_CDI_US_52242",
	"DeviceSerialNumber": "35267",
	"StationName": "MRC35267",
	"PatientPosition": "HFS",
	"ProcedureStepDescription": "RESEARCH_HOWARD",
	"SoftwareVersions": "syngo_MR_B17",
	"MRAcquisitionType": "3D",
	"SeriesDescription": "MPRAGE_T1_Coronal_-_TI=900",
	"ProtocolName": "MPRAGE_T1_Coronal_-_TI=900",
	"ScanningSequence": "GR_IR",
	"SequenceVariant": "SP_MP",
	"ScanOptions": "IR",
	"SequenceName": "_tfl3d1_ns",
	"ImageType": ["ORIGINAL", "PRIMARY", "M", "NORM", "DIS2D"],
	"SeriesNumber": 8,
	"AcquisitionTime": "15:40:28.735000",
	"AcquisitionNumber": 1,
	"ImageComments": "PROJECT:MH_EPIL_SUBJECT:334_SESSION:20151215",
	"SliceThickness": 1,
	"SAR": 0.0366279,
	"EchoTime": 0.00309,
	"RepetitionTime": 2.53,
	"InversionTime": 0.9,
	"FlipAngle": 10,
	"PartialFourier": 1,
	"BaseResolution": 256,
	"ShimSetting": [
		6542,
		25441,
		5715,
		166,
		44,
		-20,
		-60,
		49	],
	"TxRefAmp": 227.531,
	"PhaseResolution": 1,
	"ReceiveCoilName": "TxRx_Head",
	"PulseSequenceDetails": "%SiemensSeq%_tfl",
	"PercentPhaseFOV": 100,
	"PhaseEncodingSteps": 256,
	"AcquisitionMatrixPE": 256,
	"ReconMatrixPE": 256,
	"PixelBandwidth": 219,
	"DwellTime": 8.9e-06,
	"ImageOrientationPatientDICOM": [
		1,
		0,
		0,
		0,
		0,
		-1	],
	"InPlanePhaseEncodingDirectionDICOM": "ROW",
	"ConversionSoftware": "dcm2niix",
	"ConversionSoftwareVersion": "v1.0.20171215 (OpenJPEG build) GCC7.2.0"
}
