{
	"Modality": "MR",
	"MagneticFieldStrength": 3,
	"Manufacturer": "Siemens",
	"ManufacturersModelName": "TrioTim",
	"InstitutionName": "University_of_Iowa",
	"InstitutionalDepartmentName": "Department",
	"InstitutionAddress": "Newton_Road_500_Iowa_City_CDI_US_52242",
	"DeviceSerialNumber": "35267",
	"StationName": "MRC35267",
	"PatientPosition": "HFS",
	"ProcedureStepDescription": "RESEARCH_HOWARD",
	"SoftwareVersions": "syngo_MR_B17",
	"MRAcquisitionType": "3D",
	"SeriesDescription": "T2-PREP_3D_T2",
	"ProtocolName": "T2-PREP_3D_T2",
	"ScanningSequence": "SE",
	"SequenceVariant": "SK_SP_OSP",
	"ScanOptions": "PFP",
	"SequenceName": "_spc3d1_454ns",
	"ImageType": ["ORIGINAL", "PRIMARY", "M", "ND", "NORM"],
	"SeriesNumber": 6,
	"AcquisitionTime": "15:28:36.772500",
	"AcquisitionNumber": 1,
	"ImageComments": "PROJECT:MH_EPIL_SUBJECT:334_SESSION:20151215",
	"SliceThickness": 1,
	"SAR": 0.0549226,
	"EchoTime": 0.407,
	"RepetitionTime": 4,
	"FlipAngle": 120,
	"PartialFourier": 1,
	"BaseResolution": 256,
	"ShimSetting": [
		6542,
		25441,
		5715,
		166,
		44,
		-20,
		-60,
		49	],
	"TxRefAmp": 227.531,
	"PhaseResolution": 1.01339,
	"ReceiveCoilName": "TxRx_Head",
	"PulseSequenceDetails": "%SiemensSeq%_tse_vfl",
	"PercentPhaseFOV": 87.5,
	"EchoTrainLength": 227,
	"PhaseEncodingSteps": 168,
	"AcquisitionMatrixPE": 227,
	"ReconMatrixPE": 256,
	"PixelBandwidth": 592,
	"DwellTime": 3.3e-06,
	"ImageOrientationPatientDICOM": [
		0.0244344,
		0.999701,
		2.27428e-08,
		0.0157002,
		-0.000383717,
		-0.999877	],
	"InPlanePhaseEncodingDirectionDICOM": "ROW",
	"ConversionSoftware": "dcm2niix",
	"ConversionSoftwareVersion": "v1.0.20171215 (OpenJPEG build) GCC7.2.0"
}
