{
	"Modality": "MR",
	"MagneticFieldStrength": 3,
	"Manufacturer": "Siemens",
	"ManufacturersModelName": "Skyra",
	"InstitutionName": "UIHC_SKYRA",
	"InstitutionalDepartmentName": "Department",
	"InstitutionAddress": "HAWKINS_DRIVE_200_IOWA_CITY_IOWA_US_52242",
	"DeviceSerialNumber": "45685",
	"StationName": "AWP45685",
	"BodyPartExamined": "BRAIN",
	"PatientPosition": "HFS",
	"ProcedureStepDescription": "RESEARCH_HOWARD",
	"SoftwareVersions": "syngo_MR_E11",
	"MRAcquisitionType": "2D",
	"SeriesDescription": "ES-FMRI",
	"ProtocolName": "ES-FMRI",
	"ScanningSequence": "EP",
	"SequenceVariant": "SK",
	"ScanOptions": "FS",
	"SequenceName": "_epfid2d1_68",
	"ImageType": ["ORIGINAL", "PRIMARY", "M", "ND", "MOSAIC"],
	"SeriesNumber": 15,
	"AcquisitionTime": "17:38:52.377500",
	"AcquisitionNumber": 1,
	"SliceThickness": 3,
	"SpacingBetweenSlices": 3,
	"SAR": 0.14214,
	"EchoTime": 0.03,
	"RepetitionTime": 3.06,
	"FlipAngle": 90,
	"PartialFourier": 1,
	"BaseResolution": 68,
	"ShimSetting": [
		-3796,
		-1308,
		-849,
		573,
		762,
		251,
		122,
		312	],
	"DelayTime": 0.22,
	"TxRefAmp": 179.097,
	"PhaseResolution": 1,
	"ReceiveCoilName": "Head_TxRx",
	"ReceiveCoilActiveElements": "HE",
	"PulseSequenceDetails": "%SiemensSeq%_ep2d_pace",
	"ConsistencyInfo": "N4_VE11A_LATEST_20140830",
	"PercentPhaseFOV": 100,
	"EchoTrainLength": 68,
	"PhaseEncodingSteps": 68,
	"AcquisitionMatrixPE": 68,
	"ReconMatrixPE": 68,
	"BandwidthPerPixelPhaseEncode": 25.355,
	"EffectiveEchoSpacing": 0.000579999,
	"DerivedVendorReportedEchoSpacing": 0.000579999,
	"TotalReadoutTime": 0.03886,
	"PixelBandwidth": 1935,
	"DwellTime": 3.8e-06,
	"PhaseEncodingDirection": "j-",
	"SliceTiming": [
		1.41,
		0,
		1.475,
		0.065,
		1.54,
		0.13,
		1.6025,
		0.1925,
		1.6675,
		0.2575,
		1.73,
		0.32,
		1.795,
		0.385,
		1.86,
		0.45,
		1.9225,
		0.5125,
		1.9875,
		0.5775,
		2.0525,
		0.6425,
		2.115,
		0.705,
		2.18,
		0.77,
		2.245,
		0.835,
		2.3075,
		0.8975,
		2.3725,
		0.9625,
		2.435,
		1.025,
		2.5,
		1.09,
		2.565,
		1.155,
		2.6275,
		1.2175,
		2.6925,
		1.2825,
		2.7575,
		1.3475	],
	"ImageOrientationPatientDICOM": [
		1,
		0,
		0,
		0,
		1,
		0	],
	"InPlanePhaseEncodingDirectionDICOM": "COL",
	"ConversionSoftware": "dcm2niix",
	"ConversionSoftwareVersion": "v1.0.20180622 GCC7.3.0"
}
