{
	"Modality": "MR",
	"MagneticFieldStrength": 3,
	"Manufacturer": "Siemens",
	"ManufacturersModelName": "TrioTim",
	"InstitutionName": "UI_Hospitals_and_Clinics",
	"InstitutionalDepartmentName": "Radiation_Oncology",
	"InstitutionAddress": "Hawkins_200_Iowa_City_IA_US_52242",
	"DeviceSerialNumber": "35053",
	"StationName": "MRC35053",
	"PatientPosition": "HFS",
	"ProcedureStepDescription": "RESEARCH_OYA",
	"SoftwareVersions": "syngo_MR_B19",
	"MRAcquisitionType": "2D",
	"SeriesDescription": "ES_FMRI",
	"ProtocolName": "ES_FMRI",
	"ScanningSequence": "EP",
	"SequenceVariant": "SK",
	"ScanOptions": "PFP_FS",
	"SequenceName": "_epfid2d1_68",
	"ImageType": ["ORIGINAL", "PRIMARY", "M", "ND", "MOSAIC"],
	"SeriesNumber": 6,
	"AcquisitionTime": "17:54:13.415000",
	"AcquisitionNumber": 1,
	"ImageComments": "PROJECT:MH_EPIL_SUBJECT:06728376_SESSION:20140922",
	"SliceThickness": 3,
	"SpacingBetweenSlices": 3,
	"SAR": 0.0538539,
	"EchoTime": 0.03,
	"RepetitionTime": 3.1,
	"FlipAngle": 90,
	"PartialFourier": 0.75,
	"BaseResolution": 68,
	"ShimSetting": [
		-1307,
		-19453,
		6024,
		752,
		-96,
		65,
		269,
		-121	],
	"DelayTime": 0.1,
	"TxRefAmp": 165.729,
	"PhaseResolution": 1,
	"ReceiveCoilName": "TxRx_Head",
	"PulseSequenceDetails": "%SiemensSeq%_ep2d_bold",
	"PercentPhaseFOV": 100,
	"PhaseEncodingSteps": 51,
	"AcquisitionMatrixPE": 68,
	"ReconMatrixPE": 68,
	"BandwidthPerPixelPhaseEncode": 25.355,
	"EffectiveEchoSpacing": 0.000579999,
	"DerivedVendorReportedEchoSpacing": 0.000579999,
	"TotalReadoutTime": 0.03886,
	"PixelBandwidth": 1935,
	"DwellTime": 3.8e-06,
	"PhaseEncodingDirection": "j-",
	"SliceTiming": [
		1.505,
		0,
		1.57,
		0.065,
		1.635,
		0.13,
		1.7025,
		0.195,
		1.7675,
		0.26,
		1.8325,
		0.3275,
		1.8975,
		0.3925,
		1.9625,
		0.4575,
		2.0275,
		0.5225,
		2.095,
		0.5875,
		2.16,
		0.655,
		2.225,
		0.72,
		2.29,
		0.785,
		2.355,
		0.85,
		2.4225,
		0.915,
		2.4875,
		0.98,
		2.5525,
		1.0475,
		2.6175,
		1.1125,
		2.6825,
		1.1775,
		2.75,
		1.2425,
		2.815,
		1.3075,
		2.88,
		1.375,
		2.945,
		1.44	],
	"ImageOrientationPatientDICOM": [
		0.996195,
		1.17055e-06,
		0.0871552,
		-8.44232e-09,
		1,
		-1.33341e-05	],
	"InPlanePhaseEncodingDirectionDICOM": "COL",
	"ConversionSoftware": "dcm2niix",
	"ConversionSoftwareVersion": "v1.0.20171103 (OpenJPEG build) GCC6.3.0",
	"TaskName": "es"
}
