{
	"Manufacturer": "Siemens",
	"ManufacturersModelName": "Skyra",
	"EchoTrainLength": 68,
	"AcquisitionNumber": 1,
	"InstitutionName": "UIHC_SKYRA",
	"InstitutionAddress": "HAWKINS_DRIVE_200_IOWA_CITY_IOWA_US_52242",
	"DeviceSerialNumber": "45685",
	"SoftwareVersions": "syngo_MR_E11",
	"ProcedureStepDescription": "RESEARCH_HOWARD",
	"ScanningSequence": "EP",
	"SequenceVariant": "SK",
	"SeriesDescription": "ES-FMRI",
	"BodyPartExamined": "BRAIN",
	"ProtocolName": "ES-FMRI",
	"SequenceName": "_epfid2d1_68",
	"ImageType": ["ORIGINAL", "PRIMARY", "M", "ND", "MOSAIC"],
	"AcquisitionTime": "18:18:6.377500",
	"MagneticFieldStrength": 3,
	"FlipAngle": 90,
	"EchoTime": 0.03,
	"RepetitionTime": 3,
	"PhaseEncodingLines": 68,
	"BandwidthPerPixelPhaseEncode": 25.355,
	"EffectiveEchoSpacing": 0.000579999,
	"TotalReadoutTime": 0.03886,
	"SliceTiming": [
		1.44,
		0,
		1.505,
		0.065,
		1.5725,
		0.1325,
		1.6375,
		0.1975,
		1.7025,
		0.2625,
		1.7675,
		0.3275,
		1.8325,
		0.3925,
		1.8975,
		0.4575,
		1.965,
		0.525,
		2.03,
		0.59,
		2.095,
		0.655,
		2.16,
		0.72,
		2.225,
		0.785,
		2.2925,
		0.8525,
		2.3575,
		0.9175,
		2.4225,
		0.9825,
		2.4875,
		1.0475,
		2.5525,
		1.1125,
		2.6175,
		1.1775,
		2.685,
		1.245,
		2.75,
		1.31,
		2.815,
		1.375	],
	"PhaseEncodingDirection": "j-",
	"ConversionSoftware": "dcm2niix",
	"ConversionSoftwareVersion": "v1.0.20170624 GCC6.3.0"
}
