{
	"Manufacturer": "Siemens",
	"ManufacturersModelName": "Skyra",
	"AcquisitionNumber": 1,
	"InstitutionName": "UIHC_SKYRA",
	"InstitutionAddress": "HAWKINS_DRIVE_200_IOWA_CITY_IOWA_US_52242",
	"DeviceSerialNumber": "45685",
	"SoftwareVersions": "syngo_MR_E11",
	"ProcedureStepDescription": "RESEARCH_HOWARD",
	"ScanningSequence": "GR_IR",
	"SequenceVariant": "SK_SP_MP",
	"SeriesDescription": "MPRAGE_TI=1000",
	"BodyPartExamined": "BRAIN",
	"ProtocolName": "MPRAGE_TI=1000",
	"SequenceName": "_tfl3d1_16ns",
	"ImageType": ["ORIGINAL", "PRIMARY", "M", "DIS2D"],
	"AcquisitionTime": "19:15:48.547500",
	"MagneticFieldStrength": 3,
	"FlipAngle": 10,
	"EchoTime": 0.00344,
	"RepetitionTime": 1.9,
	"InversionTime": 1,
	"PhaseEncodingLines": 256,
	"PhaseEncodingDirection": "i-",
	"ConversionSoftware": "dcm2niix",
	"ConversionSoftwareVersion": "v1.0.20170624 (OpenJPEG build) GCC6.1.0"
}
