{
	"Manufacturer": "GE",
	"ManufacturersModelName": "DISCOVERY_MR750w",
	"EchoTrainLength": 140,
	"RawImage": false,
	"AcquisitionNumber": 1,
	"InstitutionName": "Iowa_MRRF",
	"DeviceSerialNumber": "0000000319335MR2",
	"SoftwareVersions": "27_LX_MR_Software_release:DV25.1_R02_1649.a",
	"ProcedureStepDescription": "MH_EPIL",
	"ScanningSequence": "SE",
	"SequenceVariant": "SK",
	"SeriesDescription": "PU:CUBE_T2_Sagittal",
	"BodyPartExamined": "HEAD",
	"ProtocolName": "PU:CUBE_T2_Sagittal",
	"ImageType": ["DERIVED", "PRIMARY", "OTHER"],
	"AcquisitionTime": "15:24:33.000000",
	"MagneticFieldStrength": 3,
	"FlipAngle": 90,
	"EchoTime": 0.084077,
	"RepetitionTime": 3.2,
	"PhaseEncodingLines": 256,
	"ConversionSoftware": "dcm2niix",
	"ConversionSoftwareVersion": "v1.0.20170624 (OpenJPEG build) GCC6.3.0"
}
