{
	"Modality": "MR",
	"MagneticFieldStrength": 3,
	"Manufacturer": "Siemens",
	"ManufacturersModelName": "Skyra",
	"InstitutionName": "UIHC_SKYRA",
	"InstitutionAddress": "HAWKINS_DRIVE_200_IOWA_CITY_IOWA_US_52242",
	"DeviceSerialNumber": "45685",
	"StationName": "AWP45685",
	"BodyPartExamined": "BRAIN",
	"ProcedureStepDescription": "RESEARCH_HOWARD",
	"SoftwareVersions": "syngo_MR_E11",
	"SeriesDescription": "Field_Map",
	"ProtocolName": "Field_Map",
	"ScanningSequence": "GR",
	"SequenceVariant": "SP",
	"SequenceName": "_fm2d2r",
	"ImageType": ["ORIGINAL", "PRIMARY", "P", "ND"],
	"AcquisitionTime": "17:49:28.365000",
	"AcquisitionNumber": 1,
	"EchoNumber": 2,
	"EchoTime1": 0.00489,
	"EchoTime2": 0.00735,
	"RepetitionTime": 0.419,
	"IntendedFor": ["ses-postop/func/sub-400_ses-postop_task-es_run-01_bold.nii",
	"ses-postop/func/sub-400_ses-postop_task-es_run-02_bold.nii",
	"ses-postop/func/sub-400_ses-postop_task-es_run-03_bold.nii",
	"ses-postop/func/sub-400_ses-postop_task-es_run-04_bold.nii",
	"ses-postop/func/sub-400_ses-postop_task-es_run-05_bold.nii",
	"ses-postop/func/sub-400_ses-postop_task-es_run-06_bold.nii"],
	"FlipAngle": 60,
	"PartialFourier": 1,
	"BaseResolution": 64,
	"PhaseResolution": 1,
	"ReceiveCoilName": "TxRx_CP_Head",
	"ReceiveCoilActiveElements": "HE",
	"PulseSequenceDetails": "%SiemensSeq%_gre_field_mapping",
	"ConsistencyInfo": "N4_VE11A_LATEST_20140830",
	"PercentPhaseFOV": 100,
	"PhaseEncodingSteps": 64,
	"AcquisitionMatrixPE": 64,
	"ReconMatrixPE": 64,
	"DwellTime": 3e-05,
	"PhaseEncodingDirection": "j-",
	"ConversionSoftware": "dcm2niix",
	"ConversionSoftwareVersion": "v1.0.20170923 (OpenJPEG build) GCC6.3.0"
}
