{
	"Modality": "MR",
	"MagneticFieldStrength": 3,
	"Manufacturer": "Siemens",
	"ManufacturersModelName": "TrioTim",
	"InstitutionName": "University_of_Iowa",
	"InstitutionalDepartmentName": "Department",
	"InstitutionAddress": "Newton_Road_500_Iowa_City_CDI_US_52242",
	"DeviceSerialNumber": "35267",
	"StationName": "MRC35267",
	"PatientPosition": "HFS",
	"ProcedureStepDescription": "RESEARCH_HOWARD",
	"SoftwareVersions": "syngo_MR_B17",
	"MRAcquisitionType": "2D",
	"SeriesDescription": "PPG_RESTING_STATE",
	"ProtocolName": "PPG_RESTING_STATE",
	"ScanningSequence": "EP",
	"SequenceVariant": "SK",
	"ScanOptions": "FS",
	"SequenceName": "_epfid2d1_64",
	"ImageType": ["ORIGINAL", "PRIMARY", "M", "ND", "MOSAIC"],
	"SeriesNumber": 10,
	"AcquisitionTime": "16:50:7.870000",
	"AcquisitionNumber": 1,
	"ImageComments": "PROJECT:MH_EPIL_SUBJECT:97879989_SESSION:20140916",
	"SliceThickness": 3.5,
	"SpacingBetweenSlices": 4.025,
	"SAR": 0.122743,
	"EchoTime": 0.03,
	"RepetitionTime": 2,
	"FlipAngle": 75,
	"PartialFourier": 1,
	"BaseResolution": 64,
	"ShimSetting": [
		6539,
		25349,
		6164,
		653,
		86,
		-249,
		94,
		-19	],
	"TxRefAmp": 272.936,
	"PhaseResolution": 1,
	"ReceiveCoilName": "HeadMatrix",
	"PulseSequenceDetails": "%SiemensSeq%_ep2d_pace",
	"PercentPhaseFOV": 100,
	"PhaseEncodingSteps": 64,
	"AcquisitionMatrixPE": 64,
	"ReconMatrixPE": 64,
	"BandwidthPerPixelPhaseEncode": 27.902,
	"EffectiveEchoSpacing": 0.000559996,
	"DerivedVendorReportedEchoSpacing": 0.000559996,
	"TotalReadoutTime": 0.0352797,
	"PixelBandwidth": 2003,
	"DwellTime": 3.9e-06,
	"PhaseEncodingDirection": "j-",
	"SliceTiming": [
		0,
		0.0625,
		0.1275,
		0.1925,
		0.255,
		0.32,
		0.385,
		0.4475,
		0.5125,
		0.5775,
		0.64,
		0.705,
		0.7675,
		0.8325,
		0.8975,
		0.96,
		1.025,
		1.09,
		1.1525,
		1.2175,
		1.2825,
		1.345,
		1.41,
		1.475,
		1.5375,
		1.6025,
		1.6675,
		1.73,
		1.795,
		1.8575,
		1.9225	],
	"ImageOrientationPatientDICOM": [
		1,
		0,
		0,
		0,
		0.998971,
		0.045363	],
	"InPlanePhaseEncodingDirectionDICOM": "COL",
	"ConversionSoftware": "dcm2niix",
	"ConversionSoftwareVersion": "v1.0.20171103 (OpenJPEG build) GCC7.2.1",
	"TaskName": "rest"
}
