{
	"Modality": "MR",
	"MagneticFieldStrength": 3,
	"Manufacturer": "Siemens",
	"ManufacturersModelName": "TrioTim",
	"InstitutionName": "University_of_Iowa",
	"InstitutionalDepartmentName": "Department",
	"InstitutionAddress": "Newton_Road_500_Iowa_City_CDI_US_52242",
	"DeviceSerialNumber": "35267",
	"StationName": "MRC35267",
	"PatientPosition": "HFS",
	"ProcedureStepDescription": "RESEARCH_HOWARD",
	"SoftwareVersions": "syngo_MR_B17",
	"MRAcquisitionType": "3D",
	"SeriesDescription": "T2-PREP_3D_T2",
	"ProtocolName": "T2-PREP_3D_T2",
	"ScanningSequence": "SE",
	"SequenceVariant": "SK_SP_OSP",
	"ScanOptions": "PFP",
	"SequenceName": "_spc3d1_250ns",
	"ImageType": ["ORIGINAL", "PRIMARY", "M", "ND", "NORM"],
	"SeriesNumber": 6,
	"AcquisitionTime": "15:54:59.160000",
	"AcquisitionNumber": 1,
	"ImageComments": "PROJECT:MH_EPIL_SUBJECT:314_SESSION:20150629",
	"SliceThickness": 1,
	"SAR": 0.174448,
	"EchoTime": 0.407,
	"RepetitionTime": 4,
	"FlipAngle": 120,
	"PartialFourier": 1,
	"BaseResolution": 256,
	"ShimSetting": [
		6543,
		25449,
		5709,
		179,
		37,
		-24,
		-54,
		49	],
	"TxRefAmp": 273.724,
	"PhaseResolution": 1.00893,
	"ReceiveCoilName": "HeadMatrix",
	"PulseSequenceDetails": "%SiemensSeq%_tse_vfl",
	"PercentPhaseFOV": 87.5,
	"EchoTrainLength": 125,
	"PhaseEncodingSteps": 210,
	"AcquisitionMatrixPE": 226,
	"ReconMatrixPE": 256,
	"ParallelReductionFactorInPlane": 2,
	"PixelBandwidth": 592,
	"DwellTime": 3.3e-06,
	"ImageOrientationPatientDICOM": [
		0,
		1,
		0,
		0,
		0,
		-1	],
	"InPlanePhaseEncodingDirectionDICOM": "ROW",
	"ConversionSoftware": "dcm2niix",
	"ConversionSoftwareVersion": "v1.0.20171103 (OpenJPEG build) GCC6.3.0"
}
