{
	"Modality": "MR",
	"MagneticFieldStrength": 3,
	"Manufacturer": "Siemens",
	"ManufacturersModelName": "TrioTim",
	"InstitutionName": "University_of_Iowa",
	"InstitutionalDepartmentName": "Department",
	"InstitutionAddress": "Newton_Road_500_Iowa_City_CDI_US_52242",
	"DeviceSerialNumber": "35267",
	"StationName": "MRC35267",
	"PatientPosition": "HFS",
	"ProcedureStepDescription": "RESEARCH_HOWARD",
	"SoftwareVersions": "syngo_MR_B17",
	"MRAcquisitionType": "3D",
	"SeriesDescription": "MULTI_ECHO_MPRAGE_V-4_RMS",
	"ProtocolName": "MULTI_ECHO_MPRAGE_V-4",
	"ScanningSequence": "GR_IR",
	"SequenceVariant": "SP_MP",
	"ScanOptions": "IR",
	"SequenceName": "Moco3d4_ns",
	"ImageType": ["ORIGINAL", "PRIMARY", "OTHER", "ND", "NORM", "MEAN"],
	"SeriesNumber": 17,
	"AcquisitionTime": "16:28:21.505000",
	"AcquisitionNumber": 1,
	"ImageComments": "PROJECT:MH_EPIL_SUBJECT:314_SESSION:20150629",
	"SliceThickness": 1,
	"SAR": 0.101919,
	"EchoTime": 0.00174,
	"RepetitionTime": 2.15,
	"FlipAngle": 10,
	"PartialFourier": 1,
	"BaseResolution": 256,
	"ShimSetting": [
		6534,
		25337,
		5988,
		171,
		3,
		-321,
		-106,
		167	],
	"TxRefAmp": 273.724,
	"PhaseResolution": 1,
	"ReceiveCoilName": "HeadMatrix",
	"PulseSequenceDetails": "%CustomerSeq%_WIP711_Moco_tfl_multiecho_epinav_711",
	"PercentPhaseFOV": 100,
	"PhaseEncodingSteps": 255,
	"AcquisitionMatrixPE": 256,
	"ReconMatrixPE": 256,
	"ParallelReductionFactorInPlane": 2,
	"PixelBandwidth": 651,
	"DwellTime": 3e-06,
	"ImageOrientationPatientDICOM": [
		0,
		1,
		0,
		0,
		0,
		-1	],
	"InPlanePhaseEncodingDirectionDICOM": "ROW",
	"ConversionSoftware": "dcm2niix",
	"ConversionSoftwareVersion": "v1.0.20171103 (OpenJPEG build) GCC6.3.0"
}
