{
	"Modality": "MR",
	"MagneticFieldStrength": 3,
	"Manufacturer": "GE",
	"ManufacturersModelName": "DISCOVERY_MR750w",
	"InstitutionName": "Iowa_MRRF",
	"DeviceSerialNumber": "0000000319335MR2",
	"StationName": "Iowa3T",
	"BodyPartExamined": "HEAD",
	"ProcedureStepDescription": "MH_EPIL",
	"SoftwareVersions": "27_LX_MR_Software_release:DV25.1_R02_1649.a",
	"SeriesDescription": "PU:CUBE_T2_Sagittal",
	"ProtocolName": "PU:CUBE_T2_Sagittal",
	"ScanningSequence": "SE",
	"SequenceVariant": "SK",
	"ScanOptions": "EDR_GEMS_FILTERED_GEMS_ACC_GEMS",
	"ImageType": ["DERIVED", "PRIMARY", "OTHER"],
	"RawImage": false,
	"AcquisitionTime": "14:31:21.000000",
	"AcquisitionNumber": 1,
	"EchoTime": 0.080043,
	"RepetitionTime": 3.2,
	"FlipAngle": 90,
	"PercentPhaseFOV": 100,
	"EchoTrainLength": 140,
	"AcquisitionMatrixPE": 256,
	"ReconMatrixPE": 256,
	"ConversionSoftware": "dcm2niix",
	"ConversionSoftwareVersion": "v1.0.20170923 (OpenJPEG build) GCC6.3.0"
}
