{
	"Modality": "MR",
	"MagneticFieldStrength": 3,
	"Manufacturer": "Siemens",
	"ManufacturersModelName": "Skyra",
	"InstitutionName": "UIHC_SKYRA",
	"InstitutionalDepartmentName": "Department",
	"InstitutionAddress": "HAWKINS_DRIVE_200_IOWA_CITY_IOWA_US_52242",
	"DeviceSerialNumber": "45685",
	"StationName": "AWP45685",
	"BodyPartExamined": "BRAIN",
	"PatientPosition": "HFS",
	"ProcedureStepDescription": "RESEARCH_HOWARD",
	"SoftwareVersions": "syngo_MR_E11",
	"MRAcquisitionType": "2D",
	"SeriesDescription": "Field_Map",
	"ProtocolName": "Field_Map",
	"ScanningSequence": "GR",
	"SequenceVariant": "SP",
	"SequenceName": "_fm2d2r",
	"ImageType": ["ORIGINAL", "PRIMARY", "P", "ND"],
	"SeriesNumber": 3,
	"AcquisitionTime": "17:04:16.620000",
	"AcquisitionNumber": 1,
	"SliceThickness": 4,
	"SpacingBetweenSlices": 5,
	"SAR": 0.172149,
	"EchoNumber": 2,
 	 "EchoTime1": 0.00489,
 	 "EchoTime2": 0.00735,
     "IntendedFor":["ses-postop/func/sub-334_ses-postop_task-es_run-01_bold.nii",
 	 "ses-postop/func/sub-334_ses-postop_task-es_run-02_bold.nii",
 	 "ses-postop/func/sub-334_ses-postop_task-es_run-03_bold.nii",
 	 "ses-postop/func/sub-334_ses-postop_task-es_run-04_bold.nii",
 	 "ses-postop/func/sub-334_ses-postop_task-es_run-05_bold.nii",
 	 "ses-postop/func/sub-334_ses-postop_task-es_run-06_bold.nii",
 	 "ses-postop/func/sub-334_ses-postop_task-es_run-07_bold.nii",
 	 "ses-postop/func/sub-334_ses-postop_task-es_run-08_bold.nii",
 	 "ses-postop/func/sub-334_ses-postop_task-es_run-09_bold.nii",
 	 "ses-postop/func/sub-334_ses-postop_task-es_run-10_bold.nii"],
	"RepetitionTime": 0.497,
	"FlipAngle": 60,
	"PartialFourier": 1,
	"BaseResolution": 64,
	"ShimSetting": [
		-3894,
		-1246,
		-1233,
		344,
		252,
		-1061,
		-45,
		275	],
	"TxRefAmp": 237.673,
	"PhaseResolution": 1,
	"ReceiveCoilName": "Head_TxRx",
	"ReceiveCoilActiveElements": "HE",
	"PulseSequenceDetails": "%SiemensSeq%_gre_field_mapping",
	"ConsistencyInfo": "N4_VE11A_LATEST_20140830",
	"PercentPhaseFOV": 100,
	"PhaseEncodingSteps": 64,
	"AcquisitionMatrixPE": 64,
	"ReconMatrixPE": 64,
	"PixelBandwidth": 260,
	"DwellTime": 3e-05,
	"PhaseEncodingDirection": "j-",
	"ImageOrientationPatientDICOM": [
		1,
		0,
		0,
		0,
		1,
		0	],
	"InPlanePhaseEncodingDirectionDICOM": "COL",
	"ConversionSoftware": "dcm2niix",
	"ConversionSoftwareVersion": "v1.0.20171215 (OpenJPEG build) GCC7.2.0",
	"TaskName": "es"
}
