{
	"Modality": "MR",
	"MagneticFieldStrength": 3,
	"Manufacturer": "Siemens",
	"ManufacturersModelName": "TrioTim",
	"InstitutionName": "University_of_Iowa",
	"InstitutionalDepartmentName": "Department",
	"InstitutionAddress": "Newton_Road_500_Iowa_City_CDI_US_52242",
	"DeviceSerialNumber": "35267",
	"StationName": "MRC35267",
	"PatientPosition": "HFS",
	"ProcedureStepDescription": "RESEARCH_HOWARD",
	"SoftwareVersions": "syngo_MR_B17",
	"MRAcquisitionType": "2D",
	"SeriesDescription": "Field_Map",
	"ProtocolName": "Field_Map",
	"ScanningSequence": "GR",
	"SequenceVariant": "SP",
	"SequenceName": "_fm2d2r",
	"ImageType": ["ORIGINAL", "PRIMARY", "P", "ND"],
	"SeriesNumber": 4,
	"AcquisitionTime": "15:21:56.717500",
	"AcquisitionNumber": 1,
	"ImageComments": "PROJECT:MH_EPIL_SUBJECT:334_SESSION:20151215",
	"SliceThickness": 4,
	"SpacingBetweenSlices": 4,
	"SAR": 0.0749406,
	"EchoNumber": 2,
 	 "EchoTime1": 0.00489,
 	 "EchoTime2": 0.00735,
     "IntendedFor":["ses-preop/func/sub-334_ses-preop_task-rest_run-01_bold.nii",
 	 "ses-preop/func/sub-334_ses-preop_task-rest_run-02_bold.nii",
 	 "ses-preop/func/sub-334_ses-preop_task-rest_run-03_bold.nii",
 	 "ses-preop/func/sub-334_ses-preop_task-rest_run-04_bold.nii",
 	 "ses-preop/func/sub-334_ses-preop_task-rest_run-05_bold.nii"],		
	"RepetitionTime": 0.41,
	"FlipAngle": 60,
	"PartialFourier": 1,
	"BaseResolution": 64,
	"ShimSetting": [
		6494,
		25483,
		6141,
		442,
		9,
		-710,
		-334,
		-29	],
	"TxRefAmp": 227.531,
	"PhaseResolution": 1,
	"ReceiveCoilName": "TxRx_Head",
	"PulseSequenceDetails": "%SiemensSeq%_gre_field_mapping",
	"PercentPhaseFOV": 100,
	"PhaseEncodingSteps": 64,
	"AcquisitionMatrixPE": 64,
	"ReconMatrixPE": 64,
	"PixelBandwidth": 260,
	"DwellTime": 3e-05,
	"PhaseEncodingDirection": "j-",
	"ImageOrientationPatientDICOM": [
		0.999952,
		0.00343528,
		0.00918738,
		-6.5388e-08,
		0.936666,
		-0.350224	],
	"InPlanePhaseEncodingDirectionDICOM": "COL",
	"ConversionSoftware": "dcm2niix",
	"ConversionSoftwareVersion": "v1.0.20171215 (OpenJPEG build) GCC7.2.0",
	"TaskName": "rest"
}
