{
	"Modality": "MR",
	"MagneticFieldStrength": 3,
	"Manufacturer": "Siemens",
	"ManufacturersModelName": "Skyra",
	"InstitutionName": "UIHC",
	"InstitutionalDepartmentName": "Department",
	"InstitutionAddress": "HAWKINS_DRIVE_200_IOWA_CITY_IOWA_US_52242",
	"DeviceSerialNumber": "45685",
	"StationName": "AWP45685",
	"BodyPartExamined": "BRAIN",
	"PatientPosition": "HFS",
	"ProcedureStepDescription": "RESEARCH_HOWARD",
	"SoftwareVersions": "syngo_MR_D13C",
	"MRAcquisitionType": "2D",
	"SeriesDescription": "ES-FMRI-V3",
	"ProtocolName": "ES-FMRI-V3",
	"ScanningSequence": "EP",
	"SequenceVariant": "SK",
	"ScanOptions": "FS",
	"SequenceName": "_epfid2d1_70",
	"ImageType": ["ORIGINAL", "PRIMARY", "M", "ND", "MOSAIC"],
	"SeriesNumber": 5,
	"AcquisitionTime": "18:08:26.190000",
	"AcquisitionNumber": 1,
	"SliceThickness": 2.5,
	"SpacingBetweenSlices": 2.5,
	"SAR": 0.119601,
	"EchoTime": 0.028,
	"RepetitionTime": 2.5,
	"FlipAngle": 90,
	"PartialFourier": 1,
	"BaseResolution": 70,
	"ShimSetting": [
		-3749,
		-1123,
		-965,
		16,
		-420,
		-247,
		219,
		475	],
	"DelayTime": 0.1,
	"TxRefAmp": 256.169,
	"PhaseResolution": 1,
	"ReceiveCoilName": "Head_TxRx",
	"ReceiveCoilActiveElements": "HE",
	"PulseSequenceDetails": "%SiemensSeq%_ep2d_pace",
	"ConsistencyInfo": "N4_VD13C_LATEST_20121124",
	"PercentPhaseFOV": 100,
	"EchoTrainLength": 70,
	"PhaseEncodingSteps": 70,
	"AcquisitionMatrixPE": 70,
	"ReconMatrixPE": 70,
	"BandwidthPerPixelPhaseEncode": 21.978,
	"EffectiveEchoSpacing": 0.000650001,
	"DerivedVendorReportedEchoSpacing": 0.000650001,
	"TotalReadoutTime": 0.04485,
	"PixelBandwidth": 1700,
	"DwellTime": 4.2e-06,
	"PhaseEncodingDirection": "j-",
	"SliceTiming": [
		0,
		1.225,
		0.0675,
		1.2925,
		0.135,
		1.36,
		0.205,
		1.4275,
		0.2725,
		1.495,
		0.34,
		1.565,
		0.4075,
		1.6325,
		0.475,
		1.7,
		0.545,
		1.7675,
		0.6125,
		1.835,
		0.68,
		1.905,
		0.7475,
		1.9725,
		0.815,
		2.04,
		0.885,
		2.1075,
		0.9525,
		2.175,
		1.02,
		2.245,
		1.0875,
		2.3125,
		1.155	],
	"ImageOrientationPatientDICOM": [
		1,
		0,
		0,
		0,
		1,
		0	],
	"InPlanePhaseEncodingDirectionDICOM": "COL",
	"ConversionSoftware": "dcm2niix",
	"ConversionSoftwareVersion": "v1.0.20171103 (OpenJPEG build) GCC6.3.0",
	"TaskName": "es"
}
