{
	"Modality": "MR",
	"MagneticFieldStrength": 3,
	"Manufacturer": "Siemens",
	"ManufacturersModelName": "TrioTim",
	"InstitutionName": "University_of_Iowa",
	"InstitutionalDepartmentName": "Department",
	"InstitutionAddress": "Newton_Road_500_Iowa_City_CDI_US_52242",
	"DeviceSerialNumber": "35267",
	"StationName": "MRC35267",
	"PatientPosition": "HFS",
	"ProcedureStepDescription": "RESEARCH_HOWARD",
	"SoftwareVersions": "syngo_MR_B17",
	"MRAcquisitionType": "3D",
	"SeriesDescription": "T2_FLAIR-SAG",
	"ProtocolName": "T2_FLAIR-SAG",
	"ScanningSequence": "SE_IR",
	"SequenceVariant": "SK_SP_MP_OSP",
	"ScanOptions": "IR_PFP",
	"SequenceName": "_spcir3d1_242ns",
	"ImageType": ["ORIGINAL", "PRIMARY", "M", "ND", "NORM"],
	"SeriesNumber": 6,
	"AcquisitionTime": "16:22:0.945000",
	"AcquisitionNumber": 1,
	"ImageComments": "PROJECT:MH_EPIL_SUBJECT:303_SESSION:20150206",
	"SliceThickness": 1,
	"SAR": 0.194094,
	"EchoTime": 0.406,
	"RepetitionTime": 5,
	"InversionTime": 1.8,
	"FlipAngle": 120,
	"PartialFourier": 1,
	"BaseResolution": 256,
	"ShimSetting": [
		6543,
		25449,
		5709,
		179,
		37,
		-24,
		-54,
		49	],
	"TxRefAmp": 270.739,
	"PhaseResolution": 0.973214,
	"ReceiveCoilName": "HeadMatrix",
	"PulseSequenceDetails": "%SiemensSeq%_tse_vfl",
	"PercentPhaseFOV": 87.5,
	"EchoTrainLength": 121,
	"PhaseEncodingSteps": 208,
	"AcquisitionMatrixPE": 218,
	"ReconMatrixPE": 256,
	"ParallelReductionFactorInPlane": 2,
	"PixelBandwidth": 592,
	"DwellTime": 3.3e-06,
	"ImageOrientationPatientDICOM": [
		0,
		1,
		0,
		0,
		0,
		-1	],
	"InPlanePhaseEncodingDirectionDICOM": "ROW",
	"ConversionSoftware": "dcm2niix",
	"ConversionSoftwareVersion": "v1.0.20171103 (OpenJPEG build) GCC7.2.1"
}
