{
	"Modality": "MR",
	"MagneticFieldStrength": 3,
	"Manufacturer": "Siemens",
	"ManufacturersModelName": "TrioTim",
	"InstitutionName": "University_of_Iowa",
	"InstitutionalDepartmentName": "Department",
	"InstitutionAddress": "Newton_Road_500_Iowa_City_CDI_US_52242",
	"DeviceSerialNumber": "35267",
	"StationName": "MRC35267",
	"PatientPosition": "HFS",
	"ProcedureStepDescription": "RESEARCH_HOWARD",
	"SoftwareVersions": "syngo_MR_B17",
	"MRAcquisitionType": "2D",
	"SeriesDescription": "PPG_RESTING_STATE",
	"ProtocolName": "PPG_RESTING_STATE",
	"ScanningSequence": "EP",
	"SequenceVariant": "SK",
	"ScanOptions": "FS",
	"SequenceName": "_epfid2d1_64",
	"ImageType": ["ORIGINAL", "PRIMARY", "M", "ND", "MOSAIC"],
	"SeriesNumber": 11,
	"AcquisitionTime": "17:00:4.180000",
	"AcquisitionNumber": 1,
	"ImageComments": "PROJECT:MH_EPIL_SUBJECT:06728376_SESSON:20140818",
	"SliceThickness": 3.5,
	"SpacingBetweenSlices": 4.025,
	"SAR": 0.106444,
	"EchoTime": 0.03,
	"RepetitionTime": 2,
	"FlipAngle": 75,
	"PartialFourier": 1,
	"BaseResolution": 64,
	"ShimSetting": [
		6565,
		25522,
		6030,
		1031,
		87,
		60,
		732,
		26	],
	"TxRefAmp": 278.517,
	"PhaseResolution": 1,
	"ReceiveCoilName": "HeadMatrix",
	"PulseSequenceDetails": "%SiemensSeq%_ep2d_pace",
	"PercentPhaseFOV": 100,
	"PhaseEncodingSteps": 64,
	"AcquisitionMatrixPE": 64,
	"ReconMatrixPE": 64,
	"BandwidthPerPixelPhaseEncode": 27.902,
	"EffectiveEchoSpacing": 0.000559996,
	"DerivedVendorReportedEchoSpacing": 0.000559996,
	"TotalReadoutTime": 0.0352797,
	"PixelBandwidth": 2003,
	"DwellTime": 3.9e-06,
	"PhaseEncodingDirection": "j-",
	"SliceTiming": [
		0,
		0.065,
		0.1275,
		0.1925,
		0.2575,
		0.32,
		0.385,
		0.45,
		0.5125,
		0.5775,
		0.6425,
		0.705,
		0.77,
		0.8325,
		0.8975,
		0.9625,
		1.025,
		1.09,
		1.155,
		1.2175,
		1.2825,
		1.3475,
		1.41,
		1.475,
		1.54,
		1.6025,
		1.6675,
		1.73,
		1.795,
		1.86,
		1.9225	],
	"ImageOrientationPatientDICOM": [
		1,
		0,
		0,
		0,
		1,
		0	],
	"InPlanePhaseEncodingDirectionDICOM": "COL",
	"ConversionSoftware": "dcm2niix",
	"ConversionSoftwareVersion": "v1.0.20171103 (OpenJPEG build) GCC7.2.1",
	"TaskName": "rest"
}
