{
	"Modality": "MR",
	"MagneticFieldStrength": 3,
	"Manufacturer": "Siemens",
	"ManufacturersModelName": "Skyra",
	"InstitutionName": "UIHC_SKYRA",
	"InstitutionalDepartmentName": "Department",
	"InstitutionAddress": "HAWKINS_DRIVE_200_IOWA_CITY_IOWA_US_52242",
	"DeviceSerialNumber": "45685",
	"StationName": "AWP45685",
	"BodyPartExamined": "BRAIN",
	"PatientPosition": "HFS",
	"ProcedureStepDescription": "RESEARCH_HOWARD",
	"SoftwareVersions": "syngo_MR_E11",
	"MRAcquisitionType": "2D",
	"SeriesDescription": "ES-FMRI-NEW",
	"ProtocolName": "ES-FMRI-NEW",
	"ScanningSequence": "EP",
	"SequenceVariant": "SK",
	"ScanOptions": "FS",
	"SequenceName": "_epfid2d1_72",
	"ImageType": ["ORIGINAL", "PRIMARY", "M", "ND", "MOSAIC"],
	"SeriesNumber": 22,
	"AcquisitionTime": "16:50:28.437500",
	"AcquisitionNumber": 1,
	"SliceThickness": 3,
	"SpacingBetweenSlices": 3,
	"SAR": 0.119537,
	"EchoTime": 0.026,
	"RepetitionTime": 3,
	"FlipAngle": 90,
	"PartialFourier": 1,
	"BaseResolution": 72,
	"ShimSetting": [
		-3876,
		-1412,
		-995,
		84,
		-25,
		-425,
		580,
		18	],
	"DelayTime": 0.1,
	"TxRefAmp": 215.903,
	"PhaseResolution": 1,
	"ReceiveCoilName": "Head_TxRx",
	"ReceiveCoilActiveElements": "HE",
	"PulseSequenceDetails": "%SiemensSeq%_ep2d_pace",
	"ConsistencyInfo": "N4_VE11A_LATEST_20140830",
	"PercentPhaseFOV": 100,
	"EchoTrainLength": 72,
	"PhaseEncodingSteps": 72,
	"AcquisitionMatrixPE": 72,
	"ReconMatrixPE": 72,
	"BandwidthPerPixelPhaseEncode": 23.946,
	"EffectiveEchoSpacing": 0.000580009,
	"DerivedVendorReportedEchoSpacing": 0.000580009,
	"TotalReadoutTime": 0.0411806,
	"PixelBandwidth": 1930,
	"DwellTime": 3.6e-06,
	"PhaseEncodingDirection": "j-",
	"SliceTiming": [
		1.44,
		0,
		1.505,
		0.065,
		1.57,
		0.13,
		1.6375,
		0.1975,
		1.7025,
		0.2625,
		1.7675,
		0.3275,
		1.8325,
		0.3925,
		1.8975,
		0.4575,
		1.9625,
		0.525,
		2.03,
		0.59,
		2.095,
		0.655,
		2.16,
		0.72,
		2.225,
		0.785,
		2.29,
		0.85,
		2.3575,
		0.9175,
		2.4225,
		0.9825,
		2.4875,
		1.0475,
		2.5525,
		1.1125,
		2.6175,
		1.1775,
		2.6825,
		1.245,
		2.75,
		1.31,
		2.815,
		1.375	],
	"ImageOrientationPatientDICOM": [
		1,
		0,
		0,
		0,
		0.939693,
		-0.34202	],
	"InPlanePhaseEncodingDirectionDICOM": "COL",
	"ConversionSoftware": "dcm2niix",
	"ConversionSoftwareVersion": "v1.0.20171103 (OpenJPEG build) GCC6.3.0",
	"TaskName": "es"
}
