{
	"Modality": "MR",
	"MagneticFieldStrength": 3,
	"Manufacturer": "Siemens",
	"ManufacturersModelName": "Skyra",
	"InstitutionName": "UIHC_SKYRA",
	"InstitutionalDepartmentName": "Department",
	"InstitutionAddress": "HAWKINS_DRIVE_200_IOWA_CITY_IOWA_US_52242",
	"DeviceSerialNumber": "45685",
	"StationName": "AWP45685",
	"BodyPartExamined": "BRAIN",
	"PatientPosition": "HFS",
	"ProcedureStepDescription": "RESEARCH_HOWARD",
	"SoftwareVersions": "syngo_MR_E11",
	"MRAcquisitionType": "2D",
	"SeriesDescription": "ES-FMRI_FACE",
	"ProtocolName": "ES-FMRI_FACE",
	"ScanningSequence": "EP",
	"SequenceVariant": "SK",
	"ScanOptions": "FS",
	"SequenceName": "_epfid2d1_70",
	"ImageType": ["ORIGINAL", "PRIMARY", "M", "ND", "MOSAIC"],
	"SeriesNumber": 9,
	"AcquisitionTime": "15:32:1.330000",
	"AcquisitionNumber": 1,
	"SliceThickness": 3,
	"SpacingBetweenSlices": 3,
	"SAR": 0.101997,
	"EchoTime": 0.03,
	"RepetitionTime": 3,
	"FlipAngle": 90,
	"PartialFourier": 1,
	"BaseResolution": 70,
	"ShimSetting": [
		-3847,
		-1412,
		-868,
		448,
		23,
		147,
		588,
		51	],
	"DelayTime": 0.5,
	"TxRefAmp": 217.316,
	"PhaseResolution": 1,
	"ReceiveCoilName": "Head_TxRx",
	"ReceiveCoilActiveElements": "HE",
	"PulseSequenceDetails": "%SiemensSeq%_ep2d_pace",
	"ConsistencyInfo": "N4_VE11A_LATEST_20140830",
	"PercentPhaseFOV": 100,
	"EchoTrainLength": 70,
	"PhaseEncodingSteps": 70,
	"AcquisitionMatrixPE": 70,
	"ReconMatrixPE": 70,
	"BandwidthPerPixelPhaseEncode": 23.81,
	"EffectiveEchoSpacing": 0.000599988,
	"DerivedVendorReportedEchoSpacing": 0.000599988,
	"TotalReadoutTime": 0.0413992,
	"PixelBandwidth": 1880,
	"DwellTime": 3.8e-06,
	"PhaseEncodingDirection": "j-",
	"SliceTiming": [
		0,
		1.275,
		0.0675,
		1.34,
		0.135,
		1.4075,
		0.2025,
		1.475,
		0.2675,
		1.5425,
		0.335,
		1.61,
		0.4025,
		1.675,
		0.47,
		1.7425,
		0.5375,
		1.81,
		0.605,
		1.8775,
		0.67,
		1.945,
		0.7375,
		2.01,
		0.805,
		2.0775,
		0.8725,
		2.145,
		0.94,
		2.2125,
		1.005,
		2.28,
		1.0725,
		2.3475,
		1.14,
		2.4125,
		1.2075	],
	"ImageOrientationPatientDICOM": [
		1,
		0,
		0,
		0,
		0.991216,
		-0.132256	],
	"InPlanePhaseEncodingDirectionDICOM": "COL",
	"ConversionSoftware": "dcm2niix",
	"ConversionSoftwareVersion": "v1.0.20171103 (OpenJPEG build) GCC6.3.0",
	"TaskName": "es"
}
