{
	"Modality": "MR",
	"MagneticFieldStrength": 3,
	"Manufacturer": "GE",
	"ManufacturersModelName": "DISCOVERY_MR750w",
	"InstitutionName": "Iowa_MRRF",
	"DeviceSerialNumber": "0000000319335MR2",
	"StationName": "Iowa3T",
	"BodyPartExamined": "HEAD",
	"ProcedureStepDescription": "MH_EPIL",
	"SoftwareVersions": "27_LX_MR_Software_release:DV25.1_R02_1649.a",
	"SeriesDescription": "Field_Map",
	"ProtocolName": "Field_Map",
	"ScanningSequence": "RM",
	"SequenceVariant": "NONE",
	"ScanOptions": "VB_GEMS",
	"ImageType": ["ORIGINAL", "PRIMARY", "OTHER"],
	"AcquisitionTime": "13:53:43.000000",
	"AcquisitionNumber": 1,
	"EchoTime1": 0.004608,
	"EchoTime2": 0.006912,
	"IntendedFor": ["ses-preop/func/sub-400_ses-preop_task-rest_run-01_bold.nii",
	"ses-preop/func/sub-400_ses-preop_task-rest_run-02_bold.nii",
	"ses-preop/func/sub-400_ses-preop_task-rest_run-03_bold.nii",
	"ses-preop/func/sub-400_ses-preop_task-rest_run-04_bold.nii",
	"ses-preop/func/sub-400_ses-preop_task-rest_run-05_bold.nii"],
	"RepetitionTime": 0.360704,
	"FlipAngle": 60,
	"PercentPhaseFOV": 100,
	"AcquisitionMatrixPE": 64,
	"ReconMatrixPE": 64,
	"EffectiveEchoSpacing": 0.002304,
	"TotalReadoutTime": 0.145152,
	"ConversionSoftware": "dcm2niix",
	"ConversionSoftwareVersion": "v1.0.20170923 (OpenJPEG build) GCC6.3.0"
}
