{
	"Modality": "MR",
	"MagneticFieldStrength": 3,
	"Manufacturer": "Siemens",
	"ManufacturersModelName": "TrioTim",
	"InstitutionName": "University_of_Iowa",
	"InstitutionalDepartmentName": "Department",
	"InstitutionAddress": "Newton_Road_500_Iowa_City_CDI_US_52242",
	"DeviceSerialNumber": "35267",
	"StationName": "MRC35267",
	"PatientPosition": "HFS",
	"ProcedureStepDescription": "RESEARCH_HOWARD",
	"SoftwareVersions": "syngo_MR_B17",
	"MRAcquisitionType": "2D",
	"SeriesDescription": "REST",
	"ProtocolName": "REST",
	"ScanningSequence": "EP",
	"SequenceVariant": "SK",
	"ScanOptions": "FS",
	"SequenceName": "_epfid2d1_64",
	"ImageType": ["ORIGINAL", "PRIMARY", "M", "ND", "MOSAIC"],
	"SeriesNumber": 2,
	"AcquisitionTime": "15:25:9.097500",
	"AcquisitionNumber": 1,
	"ImageComments": "PROJECT:MH_EPIL_SUBJECT:316_SESSION:20150420",
	"SliceThickness": 4,
	"SpacingBetweenSlices": 4,
	"SAR": 0.175502,
	"EchoTime": 0.03,
	"RepetitionTime": 2.26,
	"FlipAngle": 80,
	"PartialFourier": 1,
	"BaseResolution": 64,
	"ShimSetting": [
		6549,
		25390,
		6141,
		443,
		18,
		-458,
		343,
		19	],
	"TxRefAmp": 395.102,
	"PhaseResolution": 1,
	"ReceiveCoilName": "HeadMatrix",
	"PulseSequenceDetails": "%SiemensSeq%_ep2d_pace",
	"PercentPhaseFOV": 100,
	"PhaseEncodingSteps": 64,
	"AcquisitionMatrixPE": 64,
	"ReconMatrixPE": 64,
	"BandwidthPerPixelPhaseEncode": 27.902,
	"EffectiveEchoSpacing": 0.000559996,
	"DerivedVendorReportedEchoSpacing": 0.000559996,
	"TotalReadoutTime": 0.0352797,
	"PixelBandwidth": 2003,
	"DwellTime": 3.9e-06,
	"PhaseEncodingDirection": "j-",
	"SliceTiming": [
		1.125,
		0,
		1.1875,
		0.0625,
		1.25,
		0.125,
		1.3125,
		0.1875,
		1.375,
		0.25,
		1.4375,
		0.3125,
		1.5,
		0.375,
		1.5625,
		0.4375,
		1.625,
		0.5,
		1.6875,
		0.5625,
		1.75,
		0.625,
		1.8125,
		0.6875,
		1.875,
		0.75,
		1.9375,
		0.8125,
		2,
		0.875,
		2.0625,
		0.9375,
		2.125,
		1,
		2.1875,
		1.0625	],
	"ImageOrientationPatientDICOM": [
		1,
		0,
		0,
		0,
		0.999743,
		-0.0226873	],
	"InPlanePhaseEncodingDirectionDICOM": "COL",
	"ConversionSoftware": "dcm2niix",
	"ConversionSoftwareVersion": "v1.0.20171215 (OpenJPEG build) GCC7.2.0",
	"TaskName": "rest"
}
