{
	"Modality": "MR",
	"MagneticFieldStrength": 3,
	"ImagingFrequency": 127.758,
	"Manufacturer": "GE",
	"ManufacturersModelName": "DISCOVERY_MR750w",
	"InstitutionName": "Iowa_MRRF",
	"DeviceSerialNumber": "0000000319335MR2",
	"StationName": "Iowa3T",
	"BodyPartExamined": "HEAD",
	"PatientPosition": "HFS",
	"ProcedureStepDescription": "MH_EPIL",
	"SoftwareVersions": "27_LX_MR_Software_release:DV25.1_R02_1649.a",
	"MRAcquisitionType": "2D",
	"SeriesDescription": "REST",
	"ProtocolName": "REST",
	"ScanningSequence": "EP_GR",
	"SequenceVariant": "SS",
	"ScanOptions": "SAT_GEMS_EPI_GEMS_ACC_GEMS_FS",
	"ImageType": ["ORIGINAL", "PRIMARY", "EPI", "NONE"],
	"SeriesNumber": 7,
	"AcquisitionTime": "16:46:32.000000",
	"AcquisitionNumber": 1,
	"SliceThickness": 4,
	"SpacingBetweenSlices": 4,
	"SAR": 0.152197,
	"EchoTime": 0.03,
	"RepetitionTime": 2.26,
	"FlipAngle": 80,
	"PhaseEncodingPolarityGE": "Unflipped",
	"CoilString": "32Ch_Head",
	"PercentPhaseFOV": 100,
	"AcquisitionMatrixPE": 64,
	"ReconMatrixPE": 64,
	"EffectiveEchoSpacing": 0.00064,
	"TotalReadoutTime": 0.04032,
	"PixelBandwidth": 7812.5,
	"PhaseEncodingDirection": "j-",
	"SliceTiming": [
		2.1846,
		1.0546,
		2.1093,
		0.9793,
		2.034,
		0.904,
		1.9586,
		0.8286,
		1.8833,
		0.7533,
		1.808,
		0.678,
		1.7326,
		0.6026,
		1.6573,
		0.5273,
		1.582,
		0.452,
		1.5066,
		0.3766,
		1.4313,
		0.3013,
		1.356,
		0.226,
		1.2806,
		0.1506,
		1.2053,
		0.0753,
		1.13,
		0	],
	"ImageOrientationPatientDICOM": [
		1,
		-0,
		0,
		-0,
		1,
		0	],
	"InPlanePhaseEncodingDirectionDICOM": "COL",
	"ConversionSoftware": "dcm2niix",
	"ConversionSoftwareVersion": "v1.0.20181125  (JP2:OpenJPEG) GCC8.2.0"
}
