{
	"Modality": "MR",
	"MagneticFieldStrength": 3,
	"Manufacturer": "Siemens",
	"ManufacturersModelName": "Skyra",
	"InstitutionName": "UIHC",
	"InstitutionalDepartmentName": "Department",
	"InstitutionAddress": "HAWKINS_DRIVE_200_IOWA_CITY_IOWA_US_52242",
	"DeviceSerialNumber": "45685",
	"StationName": "AWP45685",
	"BodyPartExamined": "BRAIN",
	"PatientPosition": "HFS",
	"ProcedureStepDescription": "RESEARCH_HOWARD",
	"SoftwareVersions": "syngo_MR_D13C",
	"MRAcquisitionType": "2D",
	"SeriesDescription": "ES-FMRI",
	"ProtocolName": "ES-FMRI",
	"ScanningSequence": "EP",
	"SequenceVariant": "SK",
	"ScanOptions": "FS",
	"SequenceName": "_epfid2d1_68",
	"ImageType": ["ORIGINAL", "PRIMARY", "M", "ND", "MOSAIC"],
	"SeriesNumber": 14,
	"AcquisitionTime": "17:02:20.587500",
	"AcquisitionNumber": 1,
	"SliceThickness": 3,
	"SpacingBetweenSlices": 3,
	"SAR": 0.0911586,
	"EchoTime": 0.03,
	"RepetitionTime": 3,
	"FlipAngle": 90,
	"PartialFourier": 1,
	"BaseResolution": 68,
	"ShimSetting": [
		-3887,
		-1217,
		-930,
		304,
		141,
		217,
		-72,
		-14	],
	"DelayTime": 0.1,
	"TxRefAmp": 185.022,
	"PhaseResolution": 1,
	"ReceiveCoilName": "Head_TxRx",
	"ReceiveCoilActiveElements": "HE",
	"PulseSequenceDetails": "%SiemensSeq%_ep2d_pace",
	"ConsistencyInfo": "N4_VD13C_LATEST_20121124",
	"PercentPhaseFOV": 100,
	"EchoTrainLength": 68,
	"PhaseEncodingSteps": 68,
	"AcquisitionMatrixPE": 68,
	"ReconMatrixPE": 68,
	"BandwidthPerPixelPhaseEncode": 25.355,
	"EffectiveEchoSpacing": 0.000579999,
	"DerivedVendorReportedEchoSpacing": 0.000579999,
	"TotalReadoutTime": 0.03886,
	"PixelBandwidth": 1935,
	"DwellTime": 3.8e-06,
	"PhaseEncodingDirection": "j-",
	"SliceTiming": [
		1.44,
		0,
		1.525,
		0.085,
		1.61,
		0.17,
		1.6925,
		0.2525,
		1.7775,
		0.3375,
		1.8625,
		0.4225,
		1.9475,
		0.5075,
		2.0325,
		0.5925,
		2.1175,
		0.6775,
		2.2025,
		0.7625,
		2.2875,
		0.8475,
		2.37,
		0.9325,
		2.455,
		1.015,
		2.54,
		1.1,
		2.625,
		1.185,
		2.71,
		1.27,
		2.795,
		1.355	],
	"ImageOrientationPatientDICOM": [
		1,
		0,
		0,
		0,
		0.92521,
		-0.379456	],
	"InPlanePhaseEncodingDirectionDICOM": "COL",
	"ConversionSoftware": "dcm2niix",
	"ConversionSoftwareVersion": "v1.0.20171103 (OpenJPEG build) GCC6.3.0",
	"TaskName": "es"
}
