{
	"Modality": "MR",
	"MagneticFieldStrength": 3,
	"Manufacturer": "Siemens",
	"ManufacturersModelName": "TrioTim",
	"InstitutionName": "University_of_Iowa",
	"InstitutionalDepartmentName": "Department",
	"InstitutionAddress": "Newton_Road_500_Iowa_City_CDI_US_52242",
	"DeviceSerialNumber": "35267",
	"StationName": "MRC35267",
	"PatientPosition": "HFS",
	"ProcedureStepDescription": "RESEARCH_HOWARD",
	"SoftwareVersions": "syngo_MR_B17",
	"MRAcquisitionType": "2D",
	"SeriesDescription": "Field_Map",
	"ProtocolName": "Field_Map",
	"ScanningSequence": "GR",
	"SequenceVariant": "SP",
	"SequenceName": "_fm2d2r",
	"ImageType": ["ORIGINAL", "PRIMARY", "P", "ND"],
	"SeriesNumber": 4,
	"AcquisitionTime": "11:19:6.197500",
	"AcquisitionNumber": 1,
	"ImageComments": "PROJECT:MH_EPIL_SUBJECT:320_SESSION:20150727_1",
	"SliceThickness": 4,
	"SpacingBetweenSlices": 4,
	"SAR": 0.230925,
	"EchoNumber": 2,
  	"EchoTime1": 0.00489,
  	"EchoTime2": 0.00735,
    "IntendedFor":["ses-preop/func/sub-320_ses-preop_task-rest_run-01_bold.nii",
  	 "ses-preop/func/sub-320_ses-preop_task-rest_run-02_bold.nii",
  	 "ses-preop/func/sub-320_ses-preop_task-rest_run-03_bold.nii",
  	 "ses-preop/func/sub-320_ses-preop_task-rest_run-04_bold.nii",
  	 "ses-preop/func/sub-320_ses-preop_task-rest_run-05_bold.nii"],	
	"RepetitionTime": 0.41,
	"FlipAngle": 60,
	"PartialFourier": 1,
	"BaseResolution": 64,
	"ShimSetting": [
		6529,
		25444,
		6164,
		426,
		119,
		-254,
		424,
		100	],
	"TxRefAmp": 369.329,
	"PhaseResolution": 1,
	"ReceiveCoilName": "HeadMatrix",
	"PulseSequenceDetails": "%SiemensSeq%_gre_field_mapping",
	"PercentPhaseFOV": 100,
	"PhaseEncodingSteps": 64,
	"AcquisitionMatrixPE": 64,
	"ReconMatrixPE": 64,
	"PixelBandwidth": 260,
	"DwellTime": 3e-05,
	"PhaseEncodingDirection": "j-",
	"ImageOrientationPatientDICOM": [
		1,
		2e-16,
		0,
		-2e-16,
		0.991671,
		0.128796	],
	"InPlanePhaseEncodingDirectionDICOM": "COL",
	"ConversionSoftware": "dcm2niix",
	"ConversionSoftwareVersion": "v1.0.20171215 (OpenJPEG build) GCC7.2.0",
	"TaskName": "rest"
}
