{
	"Modality": "MR",
	"MagneticFieldStrength": 3,
	"Manufacturer": "Siemens",
	"ManufacturersModelName": "TrioTim",
	"InstitutionName": "University_of_Iowa",
	"InstitutionalDepartmentName": "Department",
	"InstitutionAddress": "Newton_Road_500_Iowa_City_CDI_US_52242",
	"DeviceSerialNumber": "35267",
	"StationName": "MRC35267",
	"PatientPosition": "HFS",
	"ProcedureStepDescription": "RESEARCH_HOWARD",
	"SoftwareVersions": "syngo_MR_B17",
	"MRAcquisitionType": "2D",
	"SeriesDescription": "REST",
	"ProtocolName": "REST",
	"ScanningSequence": "EP",
	"SequenceVariant": "SK",
	"ScanOptions": "FS",
	"SequenceName": "_epfid2d1_64",
	"ImageType": ["ORIGINAL", "PRIMARY", "M", "ND", "MOSAIC"],
	"SeriesNumber": 13,
	"AcquisitionTime": "16:22:54.245000",
	"AcquisitionNumber": 1,
	"ImageComments": "PROJECT:MH_EPIL_SUBJECT:314_SESSION:20150629",
	"SliceThickness": 4,
	"SpacingBetweenSlices": 4,
	"SAR": 0.129766,
	"EchoTime": 0.03,
	"RepetitionTime": 2.26,
	"FlipAngle": 80,
	"PartialFourier": 1,
	"BaseResolution": 64,
	"ShimSetting": [
		6528,
		25401,
		6044,
		444,
		-64,
		-52,
		-110,
		177	],
	"TxRefAmp": 273.724,
	"PhaseResolution": 1,
	"ReceiveCoilName": "HeadMatrix",
	"PulseSequenceDetails": "%SiemensSeq%_ep2d_pace",
	"PercentPhaseFOV": 100,
	"PhaseEncodingSteps": 64,
	"AcquisitionMatrixPE": 64,
	"ReconMatrixPE": 64,
	"BandwidthPerPixelPhaseEncode": 27.902,
	"EffectiveEchoSpacing": 0.000559996,
	"DerivedVendorReportedEchoSpacing": 0.000559996,
	"TotalReadoutTime": 0.0352797,
	"PixelBandwidth": 2003,
	"DwellTime": 3.9e-06,
	"PhaseEncodingDirection": "j-",
	"SliceTiming": [
		1.1225,
		0,
		1.185,
		0.0625,
		1.2475,
		0.125,
		1.31,
		0.1875,
		1.3725,
		0.25,
		1.435,
		0.3125,
		1.4975,
		0.375,
		1.56,
		0.4375,
		1.6225,
		0.5,
		1.685,
		0.5625,
		1.7475,
		0.625,
		1.81,
		0.685,
		1.8725,
		0.7475,
		1.935,
		0.81,
		1.9975,
		0.8725,
		2.06,
		0.935,
		2.1225,
		0.9975,
		2.185,
		1.06	],
	"ImageOrientationPatientDICOM": [
		1,
		-1e-16,
		0,
		1e-16,
		0.999328,
		-0.0366437	],
	"InPlanePhaseEncodingDirectionDICOM": "COL",
	"ConversionSoftware": "dcm2niix",
	"ConversionSoftwareVersion": "v1.0.20171103 (OpenJPEG build) GCC6.3.0",
	"TaskName": "rest"
}
