{
	"Manufacturer": "GE",
	"ManufacturersModelName": "DISCOVERY_MR750w",
	"RawImage": false,
	"AcquisitionNumber": 1,
	"InstitutionName": "Iowa_MRRF",
	"DeviceSerialNumber": "0000000319335MR2",
	"SoftwareVersions": "27_LX_MR_Software_release:DV25.1_R02_1649.a",
	"ProcedureStepDescription": "MH_EPIL",
	"ScanningSequence": "GR",
	"SequenceVariant": "SS_SK",
	"SeriesDescription": "PU:Cor_FSPGR_BRAVO",
	"BodyPartExamined": "HEAD",
	"ProtocolName": "PU:Cor_FSPGR_BRAVO",
	"ImageType": ["DERIVED", "PRIMARY", "OTHER"],
	"AcquisitionTime": "15:05:17.000000",
	"MagneticFieldStrength": 3,
	"FlipAngle": 12,
	"EchoTime": 0.003288,
	"RepetitionTime": 0.008504,
	"InversionTime": 0.45,
	"PhaseEncodingLines": 256,
	"ConversionSoftware": "dcm2niix",
	"ConversionSoftwareVersion": "v1.0.20170624 (OpenJPEG build) GCC6.3.0"
}
