{
	"Modality": "MR",
	"MagneticFieldStrength": 3,
	"Manufacturer": "Siemens",
	"ManufacturersModelName": "Skyra",
	"InstitutionName": "UIHC_SKYRA",
	"InstitutionalDepartmentName": "Department",
	"InstitutionAddress": "HAWKINS_DRIVE_200_IOWA_CITY_IOWA_US_52242",
	"DeviceSerialNumber": "45685",
	"StationName": "AWP45685",
	"BodyPartExamined": "BRAIN",
	"PatientPosition": "HFS",
	"ProcedureStepDescription": "MRI_FUNCTIONAL_BRAIN_W_MD_ADMIN_NEURO_TESTING_(70555)",
	"SoftwareVersions": "syngo_MR_E11",
	"MRAcquisitionType": "3D",
	"SeriesDescription": "SAG_T1_3D_MPRAGE",
	"ProtocolName": "SAG_T1_3D_MPRAGE",
	"ScanningSequence": "GR_IR",
	"SequenceVariant": "SK_SP_MP",
	"ScanOptions": "IR",
	"SequenceName": "_tfl3d1_16ns",
	"ImageType": ["ORIGINAL", "PRIMARY", "M", "ND", "NORM"],
	"SeriesNumber": 5,
	"AcquisitionTime": "13:07:48.170000",
	"AcquisitionNumber": 1,
	"SliceThickness": 0.94,
	"SAR": 0.0902757,
	"EchoTime": 0.00229,
	"RepetitionTime": 2.3,
	"InversionTime": 0.9,
	"FlipAngle": 8,
	"PartialFourier": 1,
	"BaseResolution": 256,
	"ShimSetting": [
		-3831,
		-1307,
		-1423,
		75,
		235,
		136,
		186,
		253	],
	"TxRefAmp": 390.676,
	"PhaseResolution": 1,
	"ReceiveCoilName": "HeadNeck_20",
	"ReceiveCoilActiveElements": "HE1-4;NE1,2",
	"PulseSequenceDetails": "%SiemensSeq%_tfl",
	"ConsistencyInfo": "N4_VE11A_LATEST_20140830",
	"PercentPhaseFOV": 100,
	"PhaseEncodingSteps": 255,
	"AcquisitionMatrixPE": 256,
	"ReconMatrixPE": 256,
	"ParallelReductionFactorInPlane": 2,
	"PixelBandwidth": 200,
	"DwellTime": 9.8e-06,
	"ImageOrientationPatientDICOM": [
		0.0553847,
		0.987975,
		0.144356,
		0.00685821,
		0.144198,
		-0.989525	],
	"InPlanePhaseEncodingDirectionDICOM": "ROW",
	"ConversionSoftware": "dcm2niix",
	"ConversionSoftwareVersion": "v1.0.20171215 (OpenJPEG build) GCC7.2.0"
}
