{
    "TxRefAmp":219.175,
    "RepetitionTime":2.53,
    "ImageOrientationPatientDICOM":[
        1,
        0,
        0,
        0,
        0,
        -1
    ],
    "ProtocolName":"MPRAGE_T1_Coronal_-_TI=900",
    "ImageComments":"PROJECT:MH_EPIL_SUBJECT:334_SESSION:20151207",
    "Modality":"MR",
    "InPlanePhaseEncodingDirectionDICOM":"ROW",
    "ImageType":[
        "ORIGINAL",
        "PRIMARY",
        "M",
        "NORM",
        "DIS2D"
    ],
    "InstitutionalDepartmentName":"Department",
    "BaseResolution":256,
    "ScanOptions":"IR",
    "ReconMatrixPE":256,
    "StationName":"MRC35267",
    "MagneticFieldStrength":3,
    "AcquisitionTime":"08:43:5.605000",
    "SliceThickness":1,
    "ConversionSoftwareVersion":"v1.0.20180518 GCC4.8.4",
    "FlipAngle":10,
    "DwellTime":8.9e-06,
    "PhaseResolution":1,
    "SeriesNumber":8,
    "InstitutionName":"University_of_Iowa",
    "ProcedureStepDescription":"RESEARCH_HOWARD",
    "PatientPosition":"HFS",
    "SoftwareVersions":"syngo_MR_B17",
    "SequenceVariant":"SP_MP",
    "PulseSequenceDetails":"%SiemensSeq%_tfl",
    "MRAcquisitionType":"3D",
    "AcquisitionMatrixPE":256,
    "ConversionSoftware":"dcm2niix",
    "PhaseEncodingSteps":256,
    "InversionTime":0.9,
    "InstitutionAddress":"Newton_Road_500_Iowa_City_CDI_US_52242",
    "DeviceSerialNumber":"35267",
    "AcquisitionNumber":1,
    "PercentPhaseFOV":100,
    "ShimSetting":[
        6542,
        25441,
        5715,
        166,
        44,
        -20,
        -60,
        49
    ],
    "ScanningSequence":"GR_IR",
    "SequenceName":"_tfl3d1_ns",
    "EchoTime":0.00309,
    "SeriesDescription":"MPRAGE_T1_Coronal_-_TI=900",
    "ManufacturersModelName":"TrioTim",
    "SAR":0.0366165,
    "Manufacturer":"Siemens",
    "PartialFourier":1,
    "PixelBandwidth":219,
    "ReceiveCoilName":"TxRx_Head"
}