{
	"Manufacturer": "GE",
	"ManufacturersModelName": "DISCOVERY_MR750w",
	"AcquisitionNumber": 1,
	"InstitutionName": "Iowa_MRRF",
	"DeviceSerialNumber": "0000000319335MR2",
	"SoftwareVersions": "27_LX_MR_Software_release:DV25.1_R02_1649.a",
	"ProcedureStepDescription": "MH_EPIL",
	"ScanningSequence": "RM",
	"SequenceVariant": "NONE",
	"SeriesDescription": "Field_Map",
	"BodyPartExamined": "HEAD",
	"ProtocolName": "Field_Map",
	"ImageType": ["ORIGINAL", "PRIMARY", "OTHER"],
	"AcquisitionTime": "15:17:34.000000",
	"MagneticFieldStrength": 3,
	"FlipAngle": 60,
	"EchoTime": 0.004608,
	"RepetitionTime": 0.360704,
	"PhaseEncodingLines": 64,
	"EchoTime1" : 0.004608,
	"EchoTime2" : 0.006912,
	"IntendedFor": ["ses-preop/func/sub-399_ses-preop_task-rest_run-01_bold.nii",
	"ses-preop/func/sub-399_ses-preop_task-rest_run-02_bold.nii",
	"ses-preop/func/sub-399_ses-preop_task-rest_run-03_bold.nii"
	],
	"ConversionSoftware": "dcm2niix",
	"ConversionSoftwareVersion": "v1.0.20170624 (OpenJPEG build) GCC6.3.0"
}
