{
	"Modality": "MR",
	"MagneticFieldStrength": 3,
	"Manufacturer": "Siemens",
	"ManufacturersModelName": "Skyra",
	"InstitutionName": "UIHC_SKYRA",
	"InstitutionalDepartmentName": "Department",
	"InstitutionAddress": "HAWKINS_DRIVE_200_IOWA_CITY_IOWA_US_52242",
	"DeviceSerialNumber": "45685",
	"StationName": "AWP45685",
	"BodyPartExamined": "BRAIN",
	"PatientPosition": "HFS",
	"ProcedureStepDescription": "RESEARCH_HOWARD",
	"SoftwareVersions": "syngo_MR_E11",
	"MRAcquisitionType": "2D",
	"SeriesDescription": "ES-FMRI",
	"ProtocolName": "ES-FMRI",
	"ScanningSequence": "EP",
	"SequenceVariant": "SK",
	"ScanOptions": "FS",
	"SequenceName": "_epfid2d1_68",
	"ImageType": ["ORIGINAL", "PRIMARY", "M", "ND", "MOSAIC"],
	"SeriesNumber": 13,
	"AcquisitionTime": "17:24:24.780000",
	"AcquisitionNumber": 1,
	"SliceThickness": 3,
	"SpacingBetweenSlices": 3,
	"SAR": 0.14214,
	"EchoTime": 0.03,
	"RepetitionTime": 3.06,
	"FlipAngle": 90,
	"PartialFourier": 1,
	"BaseResolution": 68,
	"ShimSetting": [
		-3796,
		-1308,
		-849,
		573,
		762,
		251,
		122,
		312	],
	"DelayTime": 0.22,
	"TxRefAmp": 179.097,
	"PhaseResolution": 1,
	"ReceiveCoilName": "Head_TxRx",
	"ReceiveCoilActiveElements": "HE",
	"PulseSequenceDetails": "%SiemensSeq%_ep2d_pace",
	"ConsistencyInfo": "N4_VE11A_LATEST_20140830",
	"PercentPhaseFOV": 100,
	"EchoTrainLength": 68,
	"PhaseEncodingSteps": 68,
	"AcquisitionMatrixPE": 68,
	"ReconMatrixPE": 68,
	"BandwidthPerPixelPhaseEncode": 25.355,
	"EffectiveEchoSpacing": 0.000579999,
	"DerivedVendorReportedEchoSpacing": 0.000579999,
	"TotalReadoutTime": 0.03886,
	"PixelBandwidth": 1935,
	"DwellTime": 3.8e-06,
	"PhaseEncodingDirection": "j-",
	"SliceTiming": [
		1.41,
		0,
		1.4725,
		0.0625,
		1.5375,
		0.1275,
		1.6,
		0.19,
		1.665,
		0.255,
		1.73,
		0.32,
		1.7925,
		0.3825,
		1.8575,
		0.4475,
		1.9225,
		0.5125,
		1.985,
		0.575,
		2.05,
		0.64,
		2.115,
		0.705,
		2.1775,
		0.7675,
		2.2425,
		0.8325,
		2.305,
		0.895,
		2.37,
		0.96,
		2.435,
		1.025,
		2.4975,
		1.0875,
		2.5625,
		1.1525,
		2.6275,
		1.2175,
		2.69,
		1.28,
		2.755,
		1.345	],
	"ImageOrientationPatientDICOM": [
		1,
		0,
		0,
		0,
		1,
		0	],
	"InPlanePhaseEncodingDirectionDICOM": "COL",
	"ConversionSoftware": "dcm2niix",
	"ConversionSoftwareVersion": "v1.0.20180622 GCC7.3.0"
}
