{
	"Modality": "MR",
	"MagneticFieldStrength": 3,
	"Manufacturer": "Siemens",
	"ManufacturersModelName": "TrioTim",
	"InstitutionName": "UI_Hospitals_and_Clinics",
	"InstitutionalDepartmentName": "Radiation_Oncology",
	"InstitutionAddress": "Hawkins_200_Iowa_City_IA_US_52242",
	"DeviceSerialNumber": "35053",
	"StationName": "MRC35053",
	"PatientPosition": "HFS",
	"ProcedureStepDescription": "RESEARCH_OYA",
	"SoftwareVersions": "syngo_MR_B19",
	"MRAcquisitionType": "3D",
	"SeriesDescription": "MPRAGE_T1_TI=1100",
	"ProtocolName": "MPRAGE_T1_TI=1100",
	"ScanningSequence": "GR_IR",
	"SequenceVariant": "SP_MP",
	"ScanOptions": "IR",
	"SequenceName": "_tfl3d1_ns",
	"ImageType": ["ORIGINAL", "PRIMARY", "M", "NORM", "DIS2D"],
	"SeriesNumber": 2,
	"AcquisitionTime": "16:56:18.557500",
	"AcquisitionNumber": 1,
	"SliceThickness": 1,
	"SAR": 0.0254529,
	"EchoTime": 0.00334,
	"RepetitionTime": 2.53,
	"InversionTime": 1.1,
	"FlipAngle": 7,
	"PartialFourier": 1,
	"BaseResolution": 256,
	"ShimSetting": [
		-1267,
		-19484,
		5609,
		25,
		78,
		-38,
		-128,
		24	],
	"TxRefAmp": 182.635,
	"PhaseResolution": 1,
	"ReceiveCoilName": "TxRx_Head",
	"PulseSequenceDetails": "%SiemensSeq%_tfl",
	"PercentPhaseFOV": 100,
	"PhaseEncodingSteps": 256,
	"AcquisitionMatrixPE": 256,
	"ReconMatrixPE": 256,
	"PixelBandwidth": 199,
	"DwellTime": 9.8e-06,
	"ImageOrientationPatientDICOM": [
		1,
		0,
		0,
		0,
		0.0034906,
		-0.999994	],
	"InPlanePhaseEncodingDirectionDICOM": "ROW",
	"ConversionSoftware": "dcm2niix",
	"ConversionSoftwareVersion": "v1.0.20171215 (OpenJPEG build) GCC7.2.0"
}
