{
	"Modality": "MR",
	"MagneticFieldStrength": 3,
	"Manufacturer": "Siemens",
	"ManufacturersModelName": "Skyra",
	"InstitutionName": "UIHC_SKYRA",
	"InstitutionalDepartmentName": "Department",
	"InstitutionAddress": "HAWKINS_DRIVE_200_IOWA_CITY_IOWA_US_52242",
	"DeviceSerialNumber": "45685",
	"StationName": "AWP45685",
	"BodyPartExamined": "BRAIN",
	"PatientPosition": "HFS",
	"ProcedureStepDescription": "RESEARCH_HOWARD",
	"SoftwareVersions": "syngo_MR_E11",
	"MRAcquisitionType": "3D",
	"SeriesDescription": "MPRAGE_TI=1000",
	"ProtocolName": "MPRAGE_TI=1000",
	"ScanningSequence": "GR_IR",
	"SequenceVariant": "SK_SP_MP",
	"ScanOptions": "IR",
	"SequenceName": "_tfl3d1_16ns",
	"ImageType": ["ORIGINAL", "PRIMARY", "M", "DIS2D"],
	"SeriesNumber": 2,
	"AcquisitionTime": "15:03:55.552500",
	"AcquisitionNumber": 1,
	"ImageComments": "Image_quality:_not_assessed",
	"SliceThickness": 1,
	"SAR": 0.103643,
	"EchoTime": 0.00344,
	"RepetitionTime": 1.9,
	"InversionTime": 1,
	"FlipAngle": 10,
	"PartialFourier": 1,
	"BaseResolution": 256,
	"ShimSetting": [
		-3811,
		-1348,
		-1054,
		-103,
		177,
		-454,
		237,
		216	],
	"TxRefAmp": 220.251,
	"PhaseResolution": 1,
	"ReceiveCoilName": "Head_TxRx",
	"ReceiveCoilActiveElements": "HE",
	"PulseSequenceDetails": "%SiemensSeq%_tfl",
	"ConsistencyInfo": "N4_VE11A_LATEST_20140830",
	"PercentPhaseFOV": 100,
	"PhaseEncodingSteps": 256,
	"AcquisitionMatrixPE": 256,
	"ReconMatrixPE": 256,
	"PixelBandwidth": 190,
	"DwellTime": 1.03e-05,
	"ImageOrientationPatientDICOM": [
		0.999958,
		-0.0033184,
		0.0085519,
		0.00853535,
		-0.00497117,
		-0.999951	],
	"InPlanePhaseEncodingDirectionDICOM": "ROW",
	"ConversionSoftware": "dcm2niix",
	"ConversionSoftwareVersion": "v1.0.20180622 GCC7.3.0"
}
