{
	"Manufacturer": "Siemens",
	"ManufacturersModelName": "Skyra",
	"EchoNumber": 2,
	"AcquisitionNumber": 1,
	"InstitutionName": "UIHC_SKYRA",
	"InstitutionAddress": "HAWKINS_DRIVE_200_IOWA_CITY_IOWA_US_52242",
	"DeviceSerialNumber": "45685",
	"SoftwareVersions": "syngo_MR_E11",
	"ProcedureStepDescription": "RESEARCH_HOWARD",
	"ScanningSequence": "GR",
	"SequenceVariant": "SP",
	"SeriesDescription": "Field_Map",
	"BodyPartExamined": "BRAIN",
	"ProtocolName": "Field_Map",
	"SequenceName": "_fm2d2r",
	"ImageType": ["ORIGINAL", "PRIMARY", "P", "ND"],
	"AcquisitionTime": "19:24:0.175000",
	"MagneticFieldStrength": 3,
	"FlipAngle": 60,
	"EchoTime1": 0.00489,
	"EchoTime2": 0.00735,
	"IntendedFor": ["ses-postop/func/sub-399_ses-postop_task-es_run-01_bold.nii",
	"ses-postop/func/sub-399_ses-postop_task-es_run-02_bold.nii",
	"ses-postop/func/sub-399_ses-postop_task-es_run-03_bold.nii",
	"ses-postop/func/sub-399_ses-postop_task-es_run-04_bold.nii",
	"ses-postop/func/sub-399_ses-postop_task-es_run-05_bold.nii",
	"ses-postop/func/sub-399_ses-postop_task-es_run-06_bold.nii",
	"ses-postop/func/sub-399_ses-postop_task-es_run-07_bold.nii",
	"ses-postop/func/sub-399_ses-postop_task-es_run-08_bold.nii"
	],
	"RepetitionTime": 0.419,
	"PhaseEncodingLines": 64,
	"PhaseEncodingDirection": "j-",
	"ConversionSoftware": "dcm2niix",
	"ConversionSoftwareVersion": "v1.0.20170624 (OpenJPEG build) GCC6.3.0"
}
