{
	"Modality": "MR",
	"MagneticFieldStrength": 3,
	"Manufacturer": "GE",
	"ManufacturersModelName": "DISCOVERY_MR750w",
	"InstitutionName": "Iowa_MRRF",
	"DeviceSerialNumber": "0000000319335MR2",
	"StationName": "Iowa3T",
	"BodyPartExamined": "HEAD",
	"ProcedureStepDescription": "MH_EPIL",
	"SoftwareVersions": "27_LX_MR_Software_release:DV25.1_R02_1649.a",
	"SeriesDescription": "REST",
	"ProtocolName": "REST",
	"ScanningSequence": "EP_GR",
	"SequenceVariant": "SS",
	"ScanOptions": "SAT_GEMS_EPI_GEMS_ACC_GEMS_FS",
	"ImageType": ["ORIGINAL", "PRIMARY", "EPI", "NONE"],
	"AcquisitionTime": "13:47:34.000000",
	"AcquisitionNumber": 1,
	"EchoTime": 0.03,
	"RepetitionTime": 2.26,
	"FlipAngle": 80,
	"PercentPhaseFOV": 100,
	"AcquisitionMatrixPE": 64,
	"ReconMatrixPE": 64,
	"EffectiveEchoSpacing": 0.00064,
	"TotalReadoutTime": 0.04032,
	"ConversionSoftware": "dcm2niix",
	"ConversionSoftwareVersion": "v1.0.20170923 (OpenJPEG build) GCC6.3.0",
	"TaskName": "rest"
}
